{
  "aor": 0.00868908163265306,
  "aqi": 0.02159252112244898,
  "bids_meta": {
    "CogAtlasID": "http://www.cognitiveatlas.org/term/id/trm_54e69c642d89b",
    "EchoTime": 0.03,
    "EffectiveEchoSpacing": 0.0005,
    "FlipAngle": 80,
    "Instructions": "Subjects were instructed to close their eyes during the scan.",
    "MagneticFieldStrength": 3,
    "Manufacturer": "Siemens",
    "ManufacturersModelName": "Verio",
    "PhaseEncodingDirection": "j-",
    "RepetitionTime": 2.5,
    "SliceTiming": [
      0,
      0.065,
      0.13,
      0.195,
      0.2575,
      0.3225,
      0.3875,
      0.4525,
      0.515,
      0.58,
      0.645,
      0.7075,
      0.7725,
      0.8375,
      0.9025,
      0.965,
      1.03,
      1.095,
      1.16,
      1.2225,
      1.2875,
      1.3525,
      1.4175,
      1.48,
      1.545,
      1.61,
      1.675,
      1.7375,
      1.8025,
      1.8675,
      1.9325,
      1.995,
      2.06,
      2.125,
      2.1875,
      2.2525,
      2.3175,
      2.3825,
      2.445
    ],
    "SoftwareVersions": "syngo_MR_B17",
    "TaskName": "rest",
    "TotalReadoutTime": 0.0315,
    "dataset": "ds000245",
    "modality": "bold",
    "subject_id": "CTL03",
    "task_id": "rest"
  },
  "dummy_trs": 2,
  "dvars_nstd": 21.54539745030768,
  "dvars_std": 1.133840349897436,
  "dvars_vstd": 0.889809514564102,
  "efc": 0.5427838899219619,
  "fber": 1251.4229736328125,
  "fd_mean": 0.10309860119987134,
  "fd_num": 24,
  "fd_perc": 12.244897959183673,
  "fwhm_avg": 1.7099016538978387,
  "fwhm_x": 1.6930166666666666,
  "fwhm_y": 1.8067566666666668,
  "fwhm_z": 1.6299316283601821,
  "gcor": 0.00759593,
  "gsr_x": 0.014567730017006397,
  "gsr_y": 0.02830819971859455,
  "provenance": {
    "md5sum": "57577bf10e1aaae970ac7b85e2c0283e",
    "settings": {
      "fd_thres": 0.2,
      "testing": false
    },
    "software": "mriqc",
    "version": "21.0.0rc2",
    "webapi_port": null,
    "webapi_url": "https://mriqc.nimh.nih.gov/api/v1"
  },
  "size_t": 196,
  "size_x": 64,
  "size_y": 64,
  "size_z": 39,
  "snr": 4.965441003199077,
  "spacing_tr": 2.5,
  "spacing_x": 3.0,
  "spacing_y": 3.0,
  "spacing_z": 3.509999990463257,
  "summary_bg_k": 32.9305180248275,
  "summary_bg_mad": 17.6475038097887,
  "summary_bg_mean": 51.03053283691406,
  "summary_bg_median": 22.61224365234375,
  "summary_bg_n": 93602.0,
  "summary_bg_p05": 8.755102157592773,
  "summary_bg_p95": 192.90535125732404,
  "summary_bg_stdv": 82.88610076904297,
  "summary_fg_k": 1.5993739044920199,
  "summary_fg_mad": 129.23601204195438,
  "summary_fg_mean": 828.8667602539062,
  "summary_fg_median": 798.3622436523438,
  "summary_fg_n": 31914.0,
  "summary_fg_p05": 628.2573791503906,
  "summary_fg_p95": 1147.1688049316406,
  "summary_fg_stdv": 160.78123474121094,
  "tsnr": 45.8598922053352
}