{
  "aor": 0.002044213197969543,
  "aqi": 0.011154769441624366,
  "bids_meta": {
    "CogAtlasID": "http://www.cognitiveatlas.org/term/id/trm_54e69c642d89b",
    "EchoTime": 0.03,
    "EffectiveEchoSpacing": 0.0005,
    "FlipAngle": 80,
    "Instructions": "Subjects were instructed to close their eyes during the scan.",
    "MagneticFieldStrength": 3,
    "Manufacturer": "Siemens",
    "ManufacturersModelName": "Verio",
    "PhaseEncodingDirection": "j-",
    "RepetitionTime": 2.5,
    "SliceTiming": [
      0,
      0.065,
      0.13,
      0.195,
      0.2575,
      0.3225,
      0.3875,
      0.4525,
      0.515,
      0.58,
      0.645,
      0.7075,
      0.7725,
      0.8375,
      0.9025,
      0.965,
      1.03,
      1.095,
      1.16,
      1.2225,
      1.2875,
      1.3525,
      1.4175,
      1.48,
      1.545,
      1.61,
      1.675,
      1.7375,
      1.8025,
      1.8675,
      1.9325,
      1.995,
      2.06,
      2.125,
      2.1875,
      2.2525,
      2.3175,
      2.3825,
      2.445
    ],
    "SoftwareVersions": "syngo_MR_B17",
    "TaskName": "rest",
    "TotalReadoutTime": 0.0315,
    "dataset": "ds000245",
    "modality": "bold",
    "subject_id": "CTL11",
    "task_id": "rest"
  },
  "dummy_trs": 1,
  "dvars_nstd": 21.022906868112255,
  "dvars_std": 1.273048653979591,
  "dvars_vstd": 0.9573092005102041,
  "efc": 0.5263115837797802,
  "fber": 1549.1649169921875,
  "fd_mean": 0.08545082091179869,
  "fd_num": 6,
  "fd_perc": 3.045685279187817,
  "fwhm_avg": 1.5989232587447713,
  "fwhm_x": 1.5405266666666666,
  "fwhm_y": 1.7271633333333334,
  "fwhm_z": 1.5290797762343138,
  "gcor": 0.0181971,
  "gsr_x": -0.006372896488755941,
  "gsr_y": 0.029502900317311287,
  "provenance": {
    "md5sum": "bdea310737cbce73c2d506f21cfdf564",
    "settings": {
      "fd_thres": 0.2,
      "testing": false
    },
    "software": "mriqc",
    "version": "21.0.0rc2",
    "webapi_port": null,
    "webapi_url": "https://mriqc.nimh.nih.gov/api/v1"
  },
  "size_t": 197,
  "size_x": 64,
  "size_y": 64,
  "size_z": 39,
  "snr": 6.121455714214949,
  "spacing_tr": 2.5,
  "spacing_x": 3.0,
  "spacing_y": 3.0,
  "spacing_z": 3.509999990463257,
  "summary_bg_k": 59.078661711909035,
  "summary_bg_mad": 9.603046802736646,
  "summary_bg_mean": 33.83921813964844,
  "summary_bg_median": 16.36040496826172,
  "summary_bg_n": 94909.0,
  "summary_bg_p05": 8.040609359741211,
  "summary_bg_p95": 113.92284088134753,
  "summary_bg_stdv": 57.43035888671875,
  "summary_fg_k": 5.195551484480175,
  "summary_fg_mad": 79.69176955269543,
  "summary_fg_mean": 668.3417358398438,
  "summary_fg_median": 653.3121337890625,
  "summary_fg_n": 29976.0,
  "summary_fg_p05": 536.2677612304688,
  "summary_fg_p95": 851.7385559082031,
  "summary_fg_stdv": 106.72318267822266,
  "tsnr": 75.05705737718381
}