{
  "aor": 0.0019824747474747476,
  "aqi": 0.007130780656565658,
  "bids_meta": {
    "CogAtlasID": "http://www.cognitiveatlas.org/term/id/trm_54e69c642d89b",
    "EchoTime": 0.03,
    "EffectiveEchoSpacing": 0.0005,
    "FlipAngle": 80,
    "Instructions": "Subjects were instructed to close their eyes during the scan.",
    "MagneticFieldStrength": 3,
    "Manufacturer": "Siemens",
    "ManufacturersModelName": "Verio",
    "PhaseEncodingDirection": "j-",
    "RepetitionTime": 2.5,
    "SliceTiming": [
      0,
      0.065,
      0.13,
      0.195,
      0.2575,
      0.3225,
      0.3875,
      0.4525,
      0.515,
      0.58,
      0.645,
      0.7075,
      0.7725,
      0.8375,
      0.9025,
      0.965,
      1.03,
      1.095,
      1.16,
      1.2225,
      1.2875,
      1.3525,
      1.4175,
      1.48,
      1.545,
      1.61,
      1.675,
      1.7375,
      1.8025,
      1.8675,
      1.9325,
      1.995,
      2.06,
      2.125,
      2.1875,
      2.2525,
      2.3175,
      2.3825,
      2.445
    ],
    "SoftwareVersions": "syngo_MR_B17",
    "TaskName": "rest",
    "TotalReadoutTime": 0.0315,
    "dataset": "ds000245",
    "modality": "bold",
    "subject_id": "CTL12",
    "task_id": "rest"
  },
  "dummy_trs": 0,
  "dvars_nstd": 18.766115367360406,
  "dvars_std": 1.164447518781726,
  "dvars_vstd": 0.9933296150253806,
  "efc": 0.5317741760554822,
  "fber": 1514.133056640625,
  "fd_mean": 0.2246258519459615,
  "fd_num": 102,
  "fd_perc": 51.515151515151516,
  "fwhm_avg": 1.6885609151142968,
  "fwhm_x": 1.6777533333333334,
  "fwhm_y": 1.79826,
  "fwhm_z": 1.5896694120095574,
  "gcor": 0.096793,
  "gsr_x": 0.0036526722833514214,
  "gsr_y": 0.021981749683618546,
  "provenance": {
    "md5sum": "b44b328d489a6c7dcc99b82de5c936ba",
    "settings": {
      "fd_thres": 0.2,
      "testing": false
    },
    "software": "mriqc",
    "version": "21.0.0rc2",
    "webapi_port": null,
    "webapi_url": "https://mriqc.nimh.nih.gov/api/v1"
  },
  "size_t": 198,
  "size_x": 64,
  "size_y": 64,
  "size_z": 39,
  "snr": 5.786910587618571,
  "spacing_tr": 2.5,
  "spacing_x": 3.0,
  "spacing_y": 3.0,
  "spacing_z": 3.510000228881836,
  "summary_bg_k": 37.82976410058783,
  "summary_bg_mad": 10.887393448663627,
  "summary_bg_mean": 39.83146667480469,
  "summary_bg_median": 17.656564712524414,
  "summary_bg_n": 94979.0,
  "summary_bg_p05": 8.782828330993652,
  "summary_bg_p95": 147.1777832031249,
  "summary_bg_stdv": 66.9549331665039,
  "summary_fg_k": 4.178883830513024,
  "summary_fg_mad": 94.74053498487373,
  "summary_fg_mean": 716.4837036132812,
  "summary_fg_median": 700.5404052734375,
  "summary_fg_n": 30098.0,
  "summary_fg_p05": 562.3855895996094,
  "summary_fg_p95": 920.7994934082031,
  "summary_fg_stdv": 121.05401611328125,
  "tsnr": 70.82087613455951
}