{
  "aor": 0.0007715656565656565,
  "aqi": 0.003787981161616162,
  "bids_meta": {
    "CogAtlasID": "http://www.cognitiveatlas.org/term/id/trm_54e69c642d89b",
    "EchoTime": 0.03,
    "EffectiveEchoSpacing": 0.0005,
    "FlipAngle": 80,
    "Instructions": "Subjects were instructed to close their eyes during the scan.",
    "MagneticFieldStrength": 3,
    "Manufacturer": "Siemens",
    "ManufacturersModelName": "Verio",
    "PhaseEncodingDirection": "j-",
    "RepetitionTime": 2.5,
    "SliceTiming": [
      0,
      0.065,
      0.13,
      0.195,
      0.2575,
      0.3225,
      0.3875,
      0.4525,
      0.515,
      0.58,
      0.645,
      0.7075,
      0.7725,
      0.8375,
      0.9025,
      0.965,
      1.03,
      1.095,
      1.16,
      1.2225,
      1.2875,
      1.3525,
      1.4175,
      1.48,
      1.545,
      1.61,
      1.675,
      1.7375,
      1.8025,
      1.8675,
      1.9325,
      1.995,
      2.06,
      2.125,
      2.1875,
      2.2525,
      2.3175,
      2.3825,
      2.445
    ],
    "SoftwareVersions": "syngo_MR_B17",
    "TaskName": "rest",
    "TotalReadoutTime": 0.0315,
    "dataset": "ds000245",
    "modality": "bold",
    "subject_id": "ODP11",
    "task_id": "rest"
  },
  "dummy_trs": 0,
  "dvars_nstd": 21.505803064365494,
  "dvars_std": 1.3573568878680204,
  "dvars_vstd": 0.9705267299492384,
  "efc": 0.516499861376299,
  "fber": 2119.639892578125,
  "fd_mean": 0.11839840196244757,
  "fd_num": 14,
  "fd_perc": 7.070707070707071,
  "fwhm_avg": 1.8301157193108664,
  "fwhm_x": 1.7972233333333334,
  "fwhm_y": 1.9817533333333335,
  "fwhm_z": 1.7113704912659322,
  "gcor": 0.0871972,
  "gsr_x": -0.00866057351231575,
  "gsr_y": 0.024564797058701515,
  "provenance": {
    "md5sum": "5ea91100bed9ed6e9b5ed6a64ef4b6db",
    "settings": {
      "fd_thres": 0.2,
      "testing": false
    },
    "software": "mriqc",
    "version": "21.0.0rc2",
    "webapi_port": null,
    "webapi_url": "https://mriqc.nimh.nih.gov/api/v1"
  },
  "size_t": 198,
  "size_x": 64,
  "size_y": 64,
  "size_z": 39,
  "snr": 4.78266815449694,
  "spacing_tr": 2.5,
  "spacing_x": 3.0,
  "spacing_y": 3.0,
  "spacing_z": 3.5099997520446777,
  "summary_bg_k": 64.05394876095853,
  "summary_bg_mad": 8.543683052669012,
  "summary_bg_mean": 30.7437801361084,
  "summary_bg_median": 15.030303001403809,
  "summary_bg_n": 93733.0,
  "summary_bg_p05": 7.520202159881592,
  "summary_bg_p95": 100.28787994384766,
  "summary_bg_stdv": 53.79319381713867,
  "summary_fg_k": 2.5242166841350224,
  "summary_fg_mad": 107.05439521381139,
  "summary_fg_mean": 735.200439453125,
  "summary_fg_median": 704.2373657226562,
  "summary_fg_n": 30763.0,
  "summary_fg_p05": 564.6227172851562,
  "summary_fg_p95": 1049.8177124023434,
  "summary_fg_stdv": 147.2454071044922,
  "tsnr": 93.14325726404786
}