{
  "aor": 0.002641015228426396,
  "aqi": 0.008557312030456853,
  "bids_meta": {
    "CogAtlasID": "http://www.cognitiveatlas.org/term/id/trm_54e69c642d89b",
    "EchoTime": 0.03,
    "EffectiveEchoSpacing": 0.0005,
    "FlipAngle": 80,
    "Instructions": "Subjects were instructed to close their eyes during the scan.",
    "MagneticFieldStrength": 3,
    "Manufacturer": "Siemens",
    "ManufacturersModelName": "Verio",
    "PhaseEncodingDirection": "j-",
    "RepetitionTime": 2.5,
    "SliceTiming": [
      0,
      0.065,
      0.13,
      0.195,
      0.2575,
      0.3225,
      0.3875,
      0.4525,
      0.515,
      0.58,
      0.645,
      0.7075,
      0.7725,
      0.8375,
      0.9025,
      0.965,
      1.03,
      1.095,
      1.16,
      1.2225,
      1.2875,
      1.3525,
      1.4175,
      1.48,
      1.545,
      1.61,
      1.675,
      1.7375,
      1.8025,
      1.8675,
      1.9325,
      1.995,
      2.06,
      2.125,
      2.1875,
      2.2525,
      2.3175,
      2.3825,
      2.445
    ],
    "SoftwareVersions": "syngo_MR_B17",
    "TaskName": "rest",
    "TotalReadoutTime": 0.0315,
    "dataset": "ds000245",
    "modality": "bold",
    "subject_id": "ODP03",
    "task_id": "rest"
  },
  "dummy_trs": 1,
  "dvars_nstd": 30.56894452234692,
  "dvars_std": 1.156609252857143,
  "dvars_vstd": 0.9765082872959179,
  "efc": 0.5834032337951394,
  "fber": 950.8939208984375,
  "fd_mean": 0.3188523882441496,
  "fd_num": 145,
  "fd_perc": 73.60406091370558,
  "fwhm_avg": 1.9616632211249005,
  "fwhm_x": 1.8674533333333334,
  "fwhm_y": 2.083416666666667,
  "fwhm_z": 1.9341196633747015,
  "gcor": 0.0627319,
  "gsr_x": -0.005380925256758928,
  "gsr_y": 0.050905827432870865,
  "provenance": {
    "md5sum": "0b4c587af69dd4046646272f4690c862",
    "settings": {
      "fd_thres": 0.2,
      "testing": false
    },
    "software": "mriqc",
    "version": "21.0.0rc2",
    "webapi_port": null,
    "webapi_url": "https://mriqc.nimh.nih.gov/api/v1"
  },
  "size_t": 197,
  "size_x": 64,
  "size_y": 64,
  "size_z": 39,
  "snr": 4.033824610418253,
  "spacing_tr": 2.5,
  "spacing_x": 3.0,
  "spacing_y": 3.0,
  "spacing_z": 3.509999990463257,
  "summary_bg_k": 56.16290437025743,
  "summary_bg_mad": 21.881551970645123,
  "summary_bg_mean": 59.014007568359375,
  "summary_bg_median": 26.626903533935547,
  "summary_bg_n": 82630.0,
  "summary_bg_p05": 9.532994270324707,
  "summary_bg_p95": 196.6687805175782,
  "summary_bg_stdv": 99.99928283691406,
  "summary_fg_k": 0.9258896362879772,
  "summary_fg_mad": 162.22074422367183,
  "summary_fg_mean": 886.0916137695312,
  "summary_fg_median": 848.5126953125,
  "summary_fg_n": 39832.0,
  "summary_fg_p05": 586.356332397461,
  "summary_fg_p95": 1296.6484130859374,
  "summary_fg_stdv": 210.34678649902344,
  "tsnr": 50.21665746695362
}