{
  "aor": 0.0005113705583756346,
  "aqi": 0.004708506040609137,
  "bids_meta": {
    "CogAtlasID": "http://www.cognitiveatlas.org/term/id/trm_54e69c642d89b",
    "EchoTime": 0.03,
    "EffectiveEchoSpacing": 0.0005,
    "FlipAngle": 80,
    "Instructions": "Subjects were instructed to close their eyes during the scan.",
    "MagneticFieldStrength": 3,
    "Manufacturer": "Siemens",
    "ManufacturersModelName": "Verio",
    "PhaseEncodingDirection": "j-",
    "RepetitionTime": 2.5,
    "SliceTiming": [
      0,
      0.065,
      0.13,
      0.195,
      0.2575,
      0.3225,
      0.3875,
      0.4525,
      0.515,
      0.58,
      0.645,
      0.7075,
      0.7725,
      0.8375,
      0.9025,
      0.965,
      1.03,
      1.095,
      1.16,
      1.2225,
      1.2875,
      1.3525,
      1.4175,
      1.48,
      1.545,
      1.61,
      1.675,
      1.7375,
      1.8025,
      1.8675,
      1.9325,
      1.995,
      2.06,
      2.125,
      2.1875,
      2.2525,
      2.3175,
      2.3825,
      2.445
    ],
    "SoftwareVersions": "syngo_MR_B17",
    "TaskName": "rest",
    "TotalReadoutTime": 0.0315,
    "dataset": "ds000245",
    "modality": "bold",
    "subject_id": "ODN13",
    "task_id": "rest"
  },
  "dummy_trs": 1,
  "dvars_nstd": 19.32817448423469,
  "dvars_std": 1.1672007985204083,
  "dvars_vstd": 0.9568517774489792,
  "efc": 0.5732665986504168,
  "fber": 1059.05078125,
  "fd_mean": 0.1579441407518412,
  "fd_num": 32,
  "fd_perc": 16.243654822335024,
  "fwhm_avg": 1.7748248163599945,
  "fwhm_x": 1.69489,
  "fwhm_y": 1.9234733333333331,
  "fwhm_z": 1.7061111157466506,
  "gcor": 0.0310111,
  "gsr_x": 0.00038164472789503634,
  "gsr_y": 0.02333589270710945,
  "provenance": {
    "md5sum": "ee1487ebbc685f8608b68c137a822dbb",
    "settings": {
      "fd_thres": 0.2,
      "testing": false
    },
    "software": "mriqc",
    "version": "21.0.0rc2",
    "webapi_port": null,
    "webapi_url": "https://mriqc.nimh.nih.gov/api/v1"
  },
  "size_t": 197,
  "size_x": 64,
  "size_y": 64,
  "size_z": 39,
  "snr": 4.280438062922284,
  "spacing_tr": 2.5,
  "spacing_x": 3.0,
  "spacing_y": 3.0,
  "spacing_z": 3.509999990463257,
  "summary_bg_k": 37.47913335746441,
  "summary_bg_mad": 16.308622989641965,
  "summary_bg_mean": 47.833335876464844,
  "summary_bg_median": 21.218273162841797,
  "summary_bg_n": 85175.0,
  "summary_bg_p05": 8.228425979614258,
  "summary_bg_p95": 171.77664184570312,
  "summary_bg_stdv": 75.10177612304688,
  "summary_fg_k": 2.0970113417369376,
  "summary_fg_mad": 125.58095054849926,
  "summary_fg_mean": 752.6102905273438,
  "summary_fg_median": 716.2613525390625,
  "summary_fg_n": 37682.0,
  "summary_fg_p05": 561.9603668212891,
  "summary_fg_p95": 1094.1032653808593,
  "summary_fg_stdv": 167.33143615722656,
  "tsnr": 75.7850506156683
}