{
  "aor": 0.002262323232323232,
  "aqi": 0.020157650505050508,
  "bids_meta": {
    "CogAtlasID": "http://www.cognitiveatlas.org/term/id/trm_54e69c642d89b",
    "EchoTime": 0.03,
    "EffectiveEchoSpacing": 0.0005,
    "FlipAngle": 80,
    "Instructions": "Subjects were instructed to close their eyes during the scan.",
    "MagneticFieldStrength": 3,
    "Manufacturer": "Siemens",
    "ManufacturersModelName": "Verio",
    "PhaseEncodingDirection": "j-",
    "RepetitionTime": 2.5,
    "SliceTiming": [
      0,
      0.065,
      0.13,
      0.195,
      0.2575,
      0.3225,
      0.3875,
      0.4525,
      0.515,
      0.58,
      0.645,
      0.7075,
      0.7725,
      0.8375,
      0.9025,
      0.965,
      1.03,
      1.095,
      1.16,
      1.2225,
      1.2875,
      1.3525,
      1.4175,
      1.48,
      1.545,
      1.61,
      1.675,
      1.7375,
      1.8025,
      1.8675,
      1.9325,
      1.995,
      2.06,
      2.125,
      2.1875,
      2.2525,
      2.3175,
      2.3825,
      2.445
    ],
    "SoftwareVersions": "syngo_MR_B17",
    "TaskName": "rest",
    "TotalReadoutTime": 0.0315,
    "dataset": "ds000245",
    "modality": "bold",
    "subject_id": "ODP12",
    "task_id": "rest"
  },
  "dummy_trs": 0,
  "dvars_nstd": 33.65879388030456,
  "dvars_std": 1.0860459256852795,
  "dvars_vstd": 0.9224800764467006,
  "efc": 0.5335965526341222,
  "fber": 1663.5755615234375,
  "fd_mean": 0.32275556624034335,
  "fd_num": 141,
  "fd_perc": 71.21212121212122,
  "fwhm_avg": 1.7123663737065347,
  "fwhm_x": 1.6658166666666665,
  "fwhm_y": 1.8848066666666667,
  "fwhm_z": 1.5864757877862712,
  "gcor": 0.0193558,
  "gsr_x": -0.009816192090511322,
  "gsr_y": 0.03345346450805664,
  "provenance": {
    "md5sum": "613dc6e18b21d1f4fafa0534f9d4cc9c",
    "settings": {
      "fd_thres": 0.2,
      "testing": false
    },
    "software": "mriqc",
    "version": "21.0.0rc2",
    "webapi_port": null,
    "webapi_url": "https://mriqc.nimh.nih.gov/api/v1"
  },
  "size_t": 198,
  "size_x": 64,
  "size_y": 64,
  "size_z": 39,
  "snr": 4.515103206929972,
  "spacing_tr": 2.5,
  "spacing_x": 3.0,
  "spacing_y": 3.0,
  "spacing_z": 3.509999990463257,
  "summary_bg_k": 60.03975656233126,
  "summary_bg_mad": 8.386436805828856,
  "summary_bg_mean": 31.37476348876953,
  "summary_bg_median": 15.525252342224121,
  "summary_bg_n": 91088.0,
  "summary_bg_p05": 7.939393997192383,
  "summary_bg_p95": 98.80101165771472,
  "summary_bg_stdv": 56.00603103637695,
  "summary_fg_k": 1.5099101479797312,
  "summary_fg_mad": 114.53473150473833,
  "summary_fg_mean": 673.7195434570312,
  "summary_fg_median": 642.9242553710938,
  "summary_fg_n": 33422.0,
  "summary_fg_p05": 507.3436965942383,
  "summary_fg_p95": 968.0123596191405,
  "summary_fg_stdv": 142.3920135498047,
  "tsnr": 37.42904109857045
}