{
  "aor": 0.001727979797979798,
  "aqi": 0.016387258737373737,
  "bids_meta": {
    "CogAtlasID": "http://www.cognitiveatlas.org/term/id/trm_54e69c642d89b",
    "EchoTime": 0.03,
    "EffectiveEchoSpacing": 0.0005,
    "FlipAngle": 80,
    "Instructions": "Subjects were instructed to close their eyes during the scan.",
    "MagneticFieldStrength": 3,
    "Manufacturer": "Siemens",
    "ManufacturersModelName": "Verio",
    "PhaseEncodingDirection": "j-",
    "RepetitionTime": 2.5,
    "SliceTiming": [
      0,
      0.065,
      0.13,
      0.195,
      0.2575,
      0.3225,
      0.3875,
      0.4525,
      0.515,
      0.58,
      0.645,
      0.7075,
      0.7725,
      0.8375,
      0.9025,
      0.965,
      1.03,
      1.095,
      1.16,
      1.2225,
      1.2875,
      1.3525,
      1.4175,
      1.48,
      1.545,
      1.61,
      1.675,
      1.7375,
      1.8025,
      1.8675,
      1.9325,
      1.995,
      2.06,
      2.125,
      2.1875,
      2.2525,
      2.3175,
      2.3825,
      2.445
    ],
    "SoftwareVersions": "syngo_MR_B17",
    "TaskName": "rest",
    "TotalReadoutTime": 0.0315,
    "dataset": "ds000245",
    "modality": "bold",
    "subject_id": "CTL09",
    "task_id": "rest"
  },
  "dummy_trs": 0,
  "dvars_nstd": 26.328671556903565,
  "dvars_std": 1.1107009193401016,
  "dvars_vstd": 0.9277984661928934,
  "efc": 0.5794502392392172,
  "fber": 1352.454833984375,
  "fd_mean": 0.37775844680498344,
  "fd_num": 129,
  "fd_perc": 65.15151515151516,
  "fwhm_avg": 1.7341526985958275,
  "fwhm_x": 1.6262633333333334,
  "fwhm_y": 1.8760266666666665,
  "fwhm_z": 1.7001680957874834,
  "gcor": 0.0625575,
  "gsr_x": 0.006163404323160648,
  "gsr_y": 0.03355303779244423,
  "provenance": {
    "md5sum": "29cb62879a327e2c5ac5d9826c5a9cb3",
    "settings": {
      "fd_thres": 0.2,
      "testing": false
    },
    "software": "mriqc",
    "version": "21.0.0rc2",
    "webapi_port": null,
    "webapi_url": "https://mriqc.nimh.nih.gov/api/v1"
  },
  "size_t": 198,
  "size_x": 64,
  "size_y": 64,
  "size_z": 39,
  "snr": 5.078788567819579,
  "spacing_tr": 2.5,
  "spacing_x": 3.0,
  "spacing_y": 3.0,
  "spacing_z": 3.509999990463257,
  "summary_bg_k": 35.45788795069849,
  "summary_bg_mad": 12.927842114815352,
  "summary_bg_mean": 45.58524703979492,
  "summary_bg_median": 17.775253295898438,
  "summary_bg_n": 85428.0,
  "summary_bg_p05": 7.294696903228761,
  "summary_bg_p95": 174.49974746704092,
  "summary_bg_stdv": 77.61554718017578,
  "summary_fg_k": 3.431709013816172,
  "summary_fg_mad": 100.29653793366012,
  "summary_fg_mean": 685.583984375,
  "summary_fg_median": 661.1893920898438,
  "summary_fg_n": 38298.0,
  "summary_fg_p05": 534.4027618408203,
  "summary_fg_p95": 933.4800323486329,
  "summary_fg_stdv": 130.1847381591797,
  "tsnr": 46.969047986436635
}