{
  "aor": 0.003725757575757576,
  "aqi": 0.013374334393939393,
  "bids_meta": {
    "CogAtlasID": "http://www.cognitiveatlas.org/term/id/trm_54e69c642d89b",
    "EchoTime": 0.03,
    "EffectiveEchoSpacing": 0.0005,
    "FlipAngle": 80,
    "Instructions": "Subjects were instructed to close their eyes during the scan.",
    "MagneticFieldStrength": 3,
    "Manufacturer": "Siemens",
    "ManufacturersModelName": "Verio",
    "PhaseEncodingDirection": "j-",
    "RepetitionTime": 2.5,
    "SliceTiming": [
      0,
      0.065,
      0.13,
      0.195,
      0.2575,
      0.3225,
      0.3875,
      0.4525,
      0.515,
      0.58,
      0.645,
      0.7075,
      0.7725,
      0.8375,
      0.9025,
      0.965,
      1.03,
      1.095,
      1.16,
      1.2225,
      1.2875,
      1.3525,
      1.4175,
      1.48,
      1.545,
      1.61,
      1.675,
      1.7375,
      1.8025,
      1.8675,
      1.9325,
      1.995,
      2.06,
      2.125,
      2.1875,
      2.2525,
      2.3175,
      2.3825,
      2.445
    ],
    "SoftwareVersions": "syngo_MR_B17",
    "TaskName": "rest",
    "TotalReadoutTime": 0.0315,
    "dataset": "ds000245",
    "modality": "bold",
    "subject_id": "ODN01",
    "task_id": "rest"
  },
  "dummy_trs": 0,
  "dvars_nstd": 24.19204877472084,
  "dvars_std": 1.295963720203046,
  "dvars_vstd": 0.950054665329949,
  "efc": 0.5475234965420003,
  "fber": 1435.4024658203125,
  "fd_mean": 0.12950897818474993,
  "fd_num": 22,
  "fd_perc": 11.11111111111111,
  "fwhm_avg": 1.677149232243946,
  "fwhm_x": 1.6520400000000002,
  "fwhm_y": 1.7511,
  "fwhm_z": 1.6283076967318384,
  "gcor": 0.0394963,
  "gsr_x": -0.0051890588365495205,
  "gsr_y": 0.020793147385120392,
  "provenance": {
    "md5sum": "dac31375f89d8d4d59d2e124fa4ebebe",
    "settings": {
      "fd_thres": 0.2,
      "testing": false
    },
    "software": "mriqc",
    "version": "21.0.0rc2",
    "webapi_port": null,
    "webapi_url": "https://mriqc.nimh.nih.gov/api/v1"
  },
  "size_t": 198,
  "size_x": 64,
  "size_y": 64,
  "size_z": 39,
  "snr": 4.69283312412397,
  "spacing_tr": 2.5,
  "spacing_x": 3.0,
  "spacing_y": 3.0,
  "spacing_z": 3.509999990463257,
  "summary_bg_k": 29.612283418973824,
  "summary_bg_mad": 13.268541609342527,
  "summary_bg_mean": 41.70552062988281,
  "summary_bg_median": 17.83333396911621,
  "summary_bg_n": 90396.0,
  "summary_bg_p05": 6.5757575035095215,
  "summary_bg_p95": 164.19950103759766,
  "summary_bg_stdv": 68.026123046875,
  "summary_fg_k": 3.1905245912900186,
  "summary_fg_mad": 103.68478713211626,
  "summary_fg_mean": 725.6918334960938,
  "summary_fg_median": 693.7601318359375,
  "summary_fg_n": 33458.0,
  "summary_fg_p05": 554.7813171386719,
  "summary_fg_p95": 1022.9401580810545,
  "summary_fg_stdv": 147.83175659179688,
  "tsnr": 51.17567795305513
}