{
  "aor": 0.001492070707070707,
  "aqi": 0.00961448909090909,
  "bids_meta": {
    "CogAtlasID": "http://www.cognitiveatlas.org/term/id/trm_54e69c642d89b",
    "EchoTime": 0.03,
    "EffectiveEchoSpacing": 0.0005,
    "FlipAngle": 80,
    "Instructions": "Subjects were instructed to close their eyes during the scan.",
    "MagneticFieldStrength": 3,
    "Manufacturer": "Siemens",
    "ManufacturersModelName": "Verio",
    "PhaseEncodingDirection": "j-",
    "RepetitionTime": 2.5,
    "SliceTiming": [
      0,
      0.065,
      0.13,
      0.195,
      0.2575,
      0.3225,
      0.3875,
      0.4525,
      0.515,
      0.58,
      0.645,
      0.7075,
      0.7725,
      0.8375,
      0.9025,
      0.965,
      1.03,
      1.095,
      1.16,
      1.2225,
      1.2875,
      1.3525,
      1.4175,
      1.48,
      1.545,
      1.61,
      1.675,
      1.7375,
      1.8025,
      1.8675,
      1.9325,
      1.995,
      2.06,
      2.125,
      2.1875,
      2.2525,
      2.3175,
      2.3825,
      2.445
    ],
    "SoftwareVersions": "syngo_MR_B17",
    "TaskName": "rest",
    "TotalReadoutTime": 0.0315,
    "dataset": "ds000245",
    "modality": "bold",
    "subject_id": "CTL01",
    "task_id": "rest"
  },
  "dummy_trs": 0,
  "dvars_nstd": 23.903379120812176,
  "dvars_std": 1.283311568426397,
  "dvars_vstd": 0.9678247712690353,
  "efc": 0.520723217185446,
  "fber": 1824.2513427734375,
  "fd_mean": 0.2007478029570269,
  "fd_num": 66,
  "fd_perc": 33.333333333333336,
  "fwhm_avg": 1.6469038000504204,
  "fwhm_x": 1.6028933333333333,
  "fwhm_y": 1.81414,
  "fwhm_z": 1.5236780668179277,
  "gcor": 0.0744789,
  "gsr_x": -0.00668800063431263,
  "gsr_y": 0.023101236671209335,
  "provenance": {
    "md5sum": "f945ab9808c6c717a657300401263725",
    "settings": {
      "fd_thres": 0.2,
      "testing": false
    },
    "software": "mriqc",
    "version": "21.0.0rc2",
    "webapi_port": null,
    "webapi_url": "https://mriqc.nimh.nih.gov/api/v1"
  },
  "size_t": 198,
  "size_x": 64,
  "size_y": 64,
  "size_z": 39,
  "snr": 5.539180376465701,
  "spacing_tr": 2.5,
  "spacing_x": 3.0,
  "spacing_y": 3.0,
  "spacing_z": 3.509999990463257,
  "summary_bg_k": 86.78293197485306,
  "summary_bg_mad": 10.041260094264398,
  "summary_bg_mean": 32.73461151123047,
  "summary_bg_median": 16.227272033691406,
  "summary_bg_n": 94435.0,
  "summary_bg_p05": 7.797979831695557,
  "summary_bg_p95": 110.60404357910159,
  "summary_bg_stdv": 57.416744232177734,
  "summary_fg_k": 4.085164721088827,
  "summary_fg_mad": 99.80612272838722,
  "summary_fg_mean": 720.2695922851562,
  "summary_fg_median": 701.3939208984375,
  "summary_fg_n": 30786.0,
  "summary_fg_p05": 564.5340881347656,
  "summary_fg_p95": 932.26513671875,
  "summary_fg_stdv": 126.62207794189453,
  "tsnr": 66.05386696686037
}