{
  "aor": 0.0005560913705583756,
  "aqi": 0.006759532436548223,
  "bids_meta": {
    "CogAtlasID": "http://www.cognitiveatlas.org/term/id/trm_54e69c642d89b",
    "EchoTime": 0.03,
    "EffectiveEchoSpacing": 0.0005,
    "FlipAngle": 80,
    "Instructions": "Subjects were instructed to close their eyes during the scan.",
    "MagneticFieldStrength": 3,
    "Manufacturer": "Siemens",
    "ManufacturersModelName": "Verio",
    "PhaseEncodingDirection": "j-",
    "RepetitionTime": 2.5,
    "SliceTiming": [
      0,
      0.065,
      0.13,
      0.195,
      0.2575,
      0.3225,
      0.3875,
      0.4525,
      0.515,
      0.58,
      0.645,
      0.7075,
      0.7725,
      0.8375,
      0.9025,
      0.965,
      1.03,
      1.095,
      1.16,
      1.2225,
      1.2875,
      1.3525,
      1.4175,
      1.48,
      1.545,
      1.61,
      1.675,
      1.7375,
      1.8025,
      1.8675,
      1.9325,
      1.995,
      2.06,
      2.125,
      2.1875,
      2.2525,
      2.3175,
      2.3825,
      2.445
    ],
    "SoftwareVersions": "syngo_MR_B17",
    "TaskName": "rest",
    "TotalReadoutTime": 0.0315,
    "dataset": "ds000245",
    "modality": "bold",
    "subject_id": "ODP13",
    "task_id": "rest"
  },
  "dummy_trs": 1,
  "dvars_nstd": 15.227494395255105,
  "dvars_std": 1.027773455255102,
  "dvars_vstd": 0.9353414791836737,
  "efc": 0.5312576193483963,
  "fber": 2034.410888671875,
  "fd_mean": 0.06649455526077054,
  "fd_num": 5,
  "fd_perc": 2.5380710659898478,
  "fwhm_avg": 1.7593801154622162,
  "fwhm_x": 1.7131133333333333,
  "fwhm_y": 1.90648,
  "fwhm_z": 1.6585470130533155,
  "gcor": 0.0615309,
  "gsr_x": -0.005162074230611324,
  "gsr_y": 0.03495429828763008,
  "provenance": {
    "md5sum": "84112cca2a301ac138e14a0007d0efda",
    "settings": {
      "fd_thres": 0.2,
      "testing": false
    },
    "software": "mriqc",
    "version": "21.0.0rc2",
    "webapi_port": null,
    "webapi_url": "https://mriqc.nimh.nih.gov/api/v1"
  },
  "size_t": 197,
  "size_x": 64,
  "size_y": 64,
  "size_z": 39,
  "snr": 4.965116418486579,
  "spacing_tr": 2.5,
  "spacing_x": 3.0,
  "spacing_y": 3.0,
  "spacing_z": 3.509999990463257,
  "summary_bg_k": 45.72763141931954,
  "summary_bg_mad": 9.520263220725152,
  "summary_bg_mean": 39.867897033691406,
  "summary_bg_median": 16.568527221679688,
  "summary_bg_n": 92633.0,
  "summary_bg_p05": 8.598984718322754,
  "summary_bg_p95": 146.13197326660156,
  "summary_bg_stdv": 73.05032348632812,
  "summary_fg_k": 2.876658505229459,
  "summary_fg_mad": 102.23937665627459,
  "summary_fg_mean": 793.5831909179688,
  "summary_fg_median": 763.1624145507812,
  "summary_fg_n": 31825.0,
  "summary_fg_p05": 611.286279296875,
  "summary_fg_p95": 1108.28125,
  "summary_fg_stdv": 153.70242309570312,
  "tsnr": 74.41603650571778
}