{
  "aor": 0.00044558375634517767,
  "aqi": 0.005744869187817259,
  "bids_meta": {
    "CogAtlasID": "http://www.cognitiveatlas.org/term/id/trm_54e69c642d89b",
    "EchoTime": 0.03,
    "EffectiveEchoSpacing": 0.0005,
    "FlipAngle": 80,
    "Instructions": "Subjects were instructed to close their eyes during the scan.",
    "MagneticFieldStrength": 3,
    "Manufacturer": "Siemens",
    "ManufacturersModelName": "Verio",
    "PhaseEncodingDirection": "j-",
    "RepetitionTime": 2.5,
    "SliceTiming": [
      0,
      0.065,
      0.13,
      0.195,
      0.2575,
      0.3225,
      0.3875,
      0.4525,
      0.515,
      0.58,
      0.645,
      0.7075,
      0.7725,
      0.8375,
      0.9025,
      0.965,
      1.03,
      1.095,
      1.16,
      1.2225,
      1.2875,
      1.3525,
      1.4175,
      1.48,
      1.545,
      1.61,
      1.675,
      1.7375,
      1.8025,
      1.8675,
      1.9325,
      1.995,
      2.06,
      2.125,
      2.1875,
      2.2525,
      2.3175,
      2.3825,
      2.445
    ],
    "SoftwareVersions": "syngo_MR_B17",
    "TaskName": "rest",
    "TotalReadoutTime": 0.0315,
    "dataset": "ds000245",
    "modality": "bold",
    "subject_id": "CTL05",
    "task_id": "rest"
  },
  "dummy_trs": 1,
  "dvars_nstd": 24.121024423928564,
  "dvars_std": 1.163772979642857,
  "dvars_vstd": 0.9625745011734702,
  "efc": 0.5600582558860814,
  "fber": 741.6271362304688,
  "fd_mean": 0.27048276534124116,
  "fd_num": 148,
  "fd_perc": 75.1269035532995,
  "fwhm_avg": 1.6603340755218436,
  "fwhm_x": 1.6555566666666666,
  "fwhm_y": 1.72689,
  "fwhm_z": 1.5985555598988643,
  "gcor": 0.0665594,
  "gsr_x": 0.00015499941946472973,
  "gsr_y": 0.02776050940155983,
  "provenance": {
    "md5sum": "d514cd9f0d0870d9db67672029ce736f",
    "settings": {
      "fd_thres": 0.2,
      "testing": false
    },
    "software": "mriqc",
    "version": "21.0.0rc2",
    "webapi_port": null,
    "webapi_url": "https://mriqc.nimh.nih.gov/api/v1"
  },
  "size_t": 197,
  "size_x": 64,
  "size_y": 64,
  "size_z": 39,
  "snr": 5.021810636445017,
  "spacing_tr": 2.5,
  "spacing_x": 3.0,
  "spacing_y": 3.0,
  "spacing_z": 3.509999990463257,
  "summary_bg_k": 41.0546602084908,
  "summary_bg_mad": 20.726327295656223,
  "summary_bg_mean": 53.71398162841797,
  "summary_bg_median": 26.055837631225586,
  "summary_bg_n": 91856.0,
  "summary_bg_p05": 8.766497611999512,
  "summary_bg_p95": 193.44795989990234,
  "summary_bg_stdv": 83.1351318359375,
  "summary_fg_k": 1.8848875773295797,
  "summary_fg_mad": 125.84436943632089,
  "summary_fg_mean": 745.4926147460938,
  "summary_fg_median": 723.44921875,
  "summary_fg_n": 32148.0,
  "summary_fg_p05": 557.26064453125,
  "summary_fg_p95": 1002.4390747070312,
  "summary_fg_stdv": 144.05918884277344,
  "tsnr": 70.82915955781937
}