{
  "aor": 0.0007172727272727273,
  "aqi": 0.00784560101010101,
  "bids_meta": {
    "CogAtlasID": "http://www.cognitiveatlas.org/term/id/trm_54e69c642d89b",
    "EchoTime": 0.03,
    "EffectiveEchoSpacing": 0.0005,
    "FlipAngle": 80,
    "Instructions": "Subjects were instructed to close their eyes during the scan.",
    "MagneticFieldStrength": 3,
    "Manufacturer": "Siemens",
    "ManufacturersModelName": "Verio",
    "PhaseEncodingDirection": "j-",
    "RepetitionTime": 2.5,
    "SliceTiming": [
      0,
      0.065,
      0.13,
      0.195,
      0.2575,
      0.3225,
      0.3875,
      0.4525,
      0.515,
      0.58,
      0.645,
      0.7075,
      0.7725,
      0.8375,
      0.9025,
      0.965,
      1.03,
      1.095,
      1.16,
      1.2225,
      1.2875,
      1.3525,
      1.4175,
      1.48,
      1.545,
      1.61,
      1.675,
      1.7375,
      1.8025,
      1.8675,
      1.9325,
      1.995,
      2.06,
      2.125,
      2.1875,
      2.2525,
      2.3175,
      2.3825,
      2.445
    ],
    "SoftwareVersions": "syngo_MR_B17",
    "TaskName": "rest",
    "TotalReadoutTime": 0.0315,
    "dataset": "ds000245",
    "modality": "bold",
    "subject_id": "ODN10",
    "task_id": "rest"
  },
  "dummy_trs": 0,
  "dvars_nstd": 30.145717330355332,
  "dvars_std": 1.1891991200507606,
  "dvars_vstd": 0.9706069249238578,
  "efc": 0.5481393675468953,
  "fber": 1217.4754638671875,
  "fd_mean": 0.31522704056201545,
  "fd_num": 172,
  "fd_perc": 86.86868686868686,
  "fwhm_avg": 1.7745767062129054,
  "fwhm_x": 1.7255500000000001,
  "fwhm_y": 1.87622,
  "fwhm_z": 1.7219601186387155,
  "gcor": 0.078592,
  "gsr_x": -0.007143112830817699,
  "gsr_y": 0.019204366952180862,
  "provenance": {
    "md5sum": "c1c1a7ddb6b3404497b495c4eceba464",
    "settings": {
      "fd_thres": 0.2,
      "testing": false
    },
    "software": "mriqc",
    "version": "21.0.0rc2",
    "webapi_port": null,
    "webapi_url": "https://mriqc.nimh.nih.gov/api/v1"
  },
  "size_t": 198,
  "size_x": 64,
  "size_y": 64,
  "size_z": 39,
  "snr": 5.5082544620028555,
  "spacing_tr": 2.5,
  "spacing_x": 3.0,
  "spacing_y": 3.0,
  "spacing_z": 3.509999990463257,
  "summary_bg_k": 37.64785038090928,
  "summary_bg_mad": 14.519019223800084,
  "summary_bg_mean": 42.388179779052734,
  "summary_bg_median": 20.393939971923828,
  "summary_bg_n": 91472.0,
  "summary_bg_p05": 8.505050659179688,
  "summary_bg_p95": 149.7800437927246,
  "summary_bg_stdv": 65.11669158935547,
  "summary_fg_k": 2.944383625031481,
  "summary_fg_mad": 85.64276509692719,
  "summary_fg_mean": 748.1017456054688,
  "summary_fg_median": 726.7601318359375,
  "summary_fg_n": 32706.0,
  "summary_fg_p05": 583.1919097900391,
  "summary_fg_p95": 1017.0871276855469,
  "summary_fg_stdv": 131.93817138671875,
  "tsnr": 72.53125765174627
}