{
  "aor": 0.0009680808080808082,
  "aqi": 0.005812746515151516,
  "bids_meta": {
    "CogAtlasID": "http://www.cognitiveatlas.org/term/id/trm_54e69c642d89b",
    "EchoTime": 0.03,
    "EffectiveEchoSpacing": 0.0005,
    "FlipAngle": 80,
    "Instructions": "Subjects were instructed to close their eyes during the scan.",
    "MagneticFieldStrength": 3,
    "Manufacturer": "Siemens",
    "ManufacturersModelName": "Verio",
    "PhaseEncodingDirection": "j-",
    "RepetitionTime": 2.5,
    "SliceTiming": [
      0,
      0.065,
      0.13,
      0.195,
      0.2575,
      0.3225,
      0.3875,
      0.4525,
      0.515,
      0.58,
      0.645,
      0.7075,
      0.7725,
      0.8375,
      0.9025,
      0.965,
      1.03,
      1.095,
      1.16,
      1.2225,
      1.2875,
      1.3525,
      1.4175,
      1.48,
      1.545,
      1.61,
      1.675,
      1.7375,
      1.8025,
      1.8675,
      1.9325,
      1.995,
      2.06,
      2.125,
      2.1875,
      2.2525,
      2.3175,
      2.3825,
      2.445
    ],
    "SoftwareVersions": "syngo_MR_B17",
    "TaskName": "rest",
    "TotalReadoutTime": 0.0315,
    "dataset": "ds000245",
    "modality": "bold",
    "subject_id": "ODN09",
    "task_id": "rest"
  },
  "dummy_trs": 0,
  "dvars_nstd": 20.86007661852792,
  "dvars_std": 1.25718058177665,
  "dvars_vstd": 0.9879082303553302,
  "efc": 0.5127986703711365,
  "fber": 1626.3790283203125,
  "fd_mean": 0.0994771682579143,
  "fd_num": 8,
  "fd_perc": 4.040404040404041,
  "fwhm_avg": 1.7171478267565314,
  "fwhm_x": 1.6210933333333333,
  "fwhm_y": 1.8792333333333333,
  "fwhm_z": 1.651116813602928,
  "gcor": 0.139907,
  "gsr_x": -0.014303024858236313,
  "gsr_y": 0.024896737188100815,
  "provenance": {
    "md5sum": "2ed5bdd32cfe98d2daed6f1a0170c10b",
    "settings": {
      "fd_thres": 0.2,
      "testing": false
    },
    "software": "mriqc",
    "version": "21.0.0rc2",
    "webapi_port": null,
    "webapi_url": "https://mriqc.nimh.nih.gov/api/v1"
  },
  "size_t": 198,
  "size_x": 64,
  "size_y": 64,
  "size_z": 39,
  "snr": 5.3816512168089705,
  "spacing_tr": 2.5,
  "spacing_x": 3.0,
  "spacing_y": 3.0,
  "spacing_z": 3.509999990463257,
  "summary_bg_k": 40.243176811980476,
  "summary_bg_mad": 11.27676288563217,
  "summary_bg_mean": 38.028560638427734,
  "summary_bg_median": 18.196969985961914,
  "summary_bg_n": 97618.0,
  "summary_bg_p05": 7.954545497894287,
  "summary_bg_p95": 124.17171478271484,
  "summary_bg_stdv": 62.926876068115234,
  "summary_fg_k": 3.3603254652625187,
  "summary_fg_mad": 95.96112092385766,
  "summary_fg_mean": 766.0729370117188,
  "summary_fg_median": 745.8283081054688,
  "summary_fg_n": 28416.0,
  "summary_fg_p05": 586.5138854980469,
  "summary_fg_p95": 1025.9002380371094,
  "summary_fg_stdv": 138.58482360839844,
  "tsnr": 78.03077964496333
}