{
  "aor": 0.0009321717171717173,
  "aqi": 0.009258731363636363,
  "bids_meta": {
    "CogAtlasID": "http://www.cognitiveatlas.org/term/id/trm_54e69c642d89b",
    "EchoTime": 0.03,
    "EffectiveEchoSpacing": 0.0005,
    "FlipAngle": 80,
    "Instructions": "Subjects were instructed to close their eyes during the scan.",
    "MagneticFieldStrength": 3,
    "Manufacturer": "Siemens",
    "ManufacturersModelName": "Verio",
    "PhaseEncodingDirection": "j-",
    "RepetitionTime": 2.5,
    "SliceTiming": [
      0,
      0.065,
      0.13,
      0.195,
      0.2575,
      0.3225,
      0.3875,
      0.4525,
      0.515,
      0.58,
      0.645,
      0.7075,
      0.7725,
      0.8375,
      0.9025,
      0.965,
      1.03,
      1.095,
      1.16,
      1.2225,
      1.2875,
      1.3525,
      1.4175,
      1.48,
      1.545,
      1.61,
      1.675,
      1.7375,
      1.8025,
      1.8675,
      1.9325,
      1.995,
      2.06,
      2.125,
      2.1875,
      2.2525,
      2.3175,
      2.3825,
      2.445
    ],
    "SoftwareVersions": "syngo_MR_B17",
    "TaskName": "rest",
    "TotalReadoutTime": 0.0315,
    "dataset": "ds000245",
    "modality": "bold",
    "subject_id": "ODN11",
    "task_id": "rest"
  },
  "dummy_trs": 0,
  "dvars_nstd": 31.73414177111676,
  "dvars_std": 1.1870556209644674,
  "dvars_vstd": 0.9672446213197972,
  "efc": 0.5887521856345904,
  "fber": 880.530517578125,
  "fd_mean": 0.28370953879445887,
  "fd_num": 140,
  "fd_perc": 70.70707070707071,
  "fwhm_avg": 1.7917584533939481,
  "fwhm_x": 1.7755866666666666,
  "fwhm_y": 1.9142700000000001,
  "fwhm_z": 1.685418693515178,
  "gcor": 0.0652145,
  "gsr_x": 0.008529538288712502,
  "gsr_y": 0.032542843371629715,
  "provenance": {
    "md5sum": "0255114d3fd65cdd08d3069ded55fd9c",
    "settings": {
      "fd_thres": 0.2,
      "testing": false
    },
    "software": "mriqc",
    "version": "21.0.0rc2",
    "webapi_port": null,
    "webapi_url": "https://mriqc.nimh.nih.gov/api/v1"
  },
  "size_t": 198,
  "size_x": 64,
  "size_y": 64,
  "size_z": 39,
  "snr": 4.975536776920356,
  "spacing_tr": 2.5,
  "spacing_x": 3.0,
  "spacing_y": 3.0,
  "spacing_z": 3.510000228881836,
  "summary_bg_k": 24.86834316339259,
  "summary_bg_mad": 16.443406294887616,
  "summary_bg_mean": 51.586368560791016,
  "summary_bg_median": 20.92424201965332,
  "summary_bg_n": 86201.0,
  "summary_bg_p05": 8.459595680236816,
  "summary_bg_p95": 190.7929229736328,
  "summary_bg_stdv": 79.31292724609375,
  "summary_fg_k": 4.266184499180339,
  "summary_fg_mad": 95.80013768736345,
  "summary_fg_mean": 664.5777587890625,
  "summary_fg_median": 642.7070922851562,
  "summary_fg_n": 36766.0,
  "summary_fg_p05": 510.56690979003906,
  "summary_fg_p95": 888.6313018798828,
  "summary_fg_stdv": 129.17166137695312,
  "tsnr": 57.667923958506435
}