{
  "aor": 0.0014940816326530614,
  "aqi": 0.005978396785714287,
  "bids_meta": {
    "CogAtlasID": "http://www.cognitiveatlas.org/term/id/trm_54e69c642d89b",
    "EchoTime": 0.03,
    "EffectiveEchoSpacing": 0.0005,
    "FlipAngle": 80,
    "Instructions": "Subjects were instructed to close their eyes during the scan.",
    "MagneticFieldStrength": 3,
    "Manufacturer": "Siemens",
    "ManufacturersModelName": "Verio",
    "PhaseEncodingDirection": "j-",
    "RepetitionTime": 2.5,
    "SliceTiming": [
      0,
      0.065,
      0.13,
      0.195,
      0.2575,
      0.3225,
      0.3875,
      0.4525,
      0.515,
      0.58,
      0.645,
      0.7075,
      0.7725,
      0.8375,
      0.9025,
      0.965,
      1.03,
      1.095,
      1.16,
      1.2225,
      1.2875,
      1.3525,
      1.4175,
      1.48,
      1.545,
      1.61,
      1.675,
      1.7375,
      1.8025,
      1.8675,
      1.9325,
      1.995,
      2.06,
      2.125,
      2.1875,
      2.2525,
      2.3175,
      2.3825,
      2.445
    ],
    "SoftwareVersions": "syngo_MR_B17",
    "TaskName": "rest",
    "TotalReadoutTime": 0.0315,
    "dataset": "ds000245",
    "modality": "bold",
    "subject_id": "CTL14",
    "task_id": "rest"
  },
  "dummy_trs": 2,
  "dvars_nstd": 22.604207689025642,
  "dvars_std": 1.1470905948717947,
  "dvars_vstd": 0.9579370718974353,
  "efc": 0.5798834392333061,
  "fber": 835.4915771484375,
  "fd_mean": 0.20478871194655313,
  "fd_num": 85,
  "fd_perc": 43.36734693877551,
  "fwhm_avg": 1.7520151867072202,
  "fwhm_x": 1.69939,
  "fwhm_y": 1.8761,
  "fwhm_z": 1.68055556012166,
  "gcor": 0.0295451,
  "gsr_x": 0.021677041426301003,
  "gsr_y": 0.02884853072464466,
  "provenance": {
    "md5sum": "3f96e568794848d7099ee69fb39827d0",
    "settings": {
      "fd_thres": 0.2,
      "testing": false
    },
    "software": "mriqc",
    "version": "21.0.0rc2",
    "webapi_port": null,
    "webapi_url": "https://mriqc.nimh.nih.gov/api/v1"
  },
  "size_t": 196,
  "size_x": 64,
  "size_y": 64,
  "size_z": 39,
  "snr": 4.317428858973847,
  "spacing_tr": 2.5,
  "spacing_x": 3.0,
  "spacing_y": 3.0,
  "spacing_z": 3.509999990463257,
  "summary_bg_k": 21.934157179604437,
  "summary_bg_mad": 22.004538944190458,
  "summary_bg_mean": 59.767818450927734,
  "summary_bg_median": 25.974489212036133,
  "summary_bg_n": 86450.0,
  "summary_bg_p05": 8.760204315185547,
  "summary_bg_p95": 224.43162765502947,
  "summary_bg_stdv": 90.49796295166016,
  "summary_fg_k": 1.4183805361140536,
  "summary_fg_mad": 138.4114683315481,
  "summary_fg_mean": 807.7280883789062,
  "summary_fg_median": 767.892822265625,
  "summary_fg_n": 36903.0,
  "summary_fg_p05": 592.6076293945313,
  "summary_fg_p95": 1168.366796875,
  "summary_fg_stdv": 177.85641479492188,
  "tsnr": 68.62074054591358
}