{
  "aor": 0.0006115151515151515,
  "aqi": 0.0041174713131313136,
  "bids_meta": {
    "CogAtlasID": "http://www.cognitiveatlas.org/term/id/trm_54e69c642d89b",
    "EchoTime": 0.03,
    "EffectiveEchoSpacing": 0.0005,
    "FlipAngle": 80,
    "Instructions": "Subjects were instructed to close their eyes during the scan.",
    "MagneticFieldStrength": 3,
    "Manufacturer": "Siemens",
    "ManufacturersModelName": "Verio",
    "PhaseEncodingDirection": "j-",
    "RepetitionTime": 2.5,
    "SliceTiming": [
      0,
      0.065,
      0.13,
      0.195,
      0.2575,
      0.3225,
      0.3875,
      0.4525,
      0.515,
      0.58,
      0.645,
      0.7075,
      0.7725,
      0.8375,
      0.9025,
      0.965,
      1.03,
      1.095,
      1.16,
      1.2225,
      1.2875,
      1.3525,
      1.4175,
      1.48,
      1.545,
      1.61,
      1.675,
      1.7375,
      1.8025,
      1.8675,
      1.9325,
      1.995,
      2.06,
      2.125,
      2.1875,
      2.2525,
      2.3175,
      2.3825,
      2.445
    ],
    "SoftwareVersions": "syngo_MR_B17",
    "TaskName": "rest",
    "TotalReadoutTime": 0.0315,
    "dataset": "ds000245",
    "modality": "bold",
    "subject_id": "ODP01",
    "task_id": "rest"
  },
  "dummy_trs": 0,
  "dvars_nstd": 23.65368845005077,
  "dvars_std": 1.2743997992385785,
  "dvars_vstd": 0.9853150265989853,
  "efc": 0.595805081242717,
  "fber": 926.7825927734375,
  "fd_mean": 0.17174815085398223,
  "fd_num": 61,
  "fd_perc": 30.80808080808081,
  "fwhm_avg": 1.7625021952729227,
  "fwhm_x": 1.6819,
  "fwhm_y": 1.9044100000000002,
  "fwhm_z": 1.7011965858187676,
  "gcor": 0.171957,
  "gsr_x": -0.0032244136091321707,
  "gsr_y": 0.03751913085579872,
  "provenance": {
    "md5sum": "a25fcbf1bcb0d2f70397b80cfd01ddf8",
    "settings": {
      "fd_thres": 0.2,
      "testing": false
    },
    "software": "mriqc",
    "version": "21.0.0rc2",
    "webapi_port": null,
    "webapi_url": "https://mriqc.nimh.nih.gov/api/v1"
  },
  "size_t": 198,
  "size_x": 64,
  "size_y": 64,
  "size_z": 39,
  "snr": 4.561351416437799,
  "spacing_tr": 2.5,
  "spacing_x": 3.0,
  "spacing_y": 3.0,
  "spacing_z": 3.509999990463257,
  "summary_bg_k": 35.13362261236149,
  "summary_bg_mad": 17.162243048626255,
  "summary_bg_mean": 54.649681091308594,
  "summary_bg_median": 21.86868667602539,
  "summary_bg_n": 82842.0,
  "summary_bg_p05": 8.6972225189209,
  "summary_bg_p95": 210.74721527099607,
  "summary_bg_stdv": 89.71598815917969,
  "summary_fg_k": 2.440530866169114,
  "summary_fg_mad": 114.31008794959672,
  "summary_fg_mean": 732.4906616210938,
  "summary_fg_median": 703.2853393554688,
  "summary_fg_n": 39496.0,
  "summary_fg_p05": 547.4886322021484,
  "summary_fg_p95": 1045.1199951171875,
  "summary_fg_stdv": 154.1815948486328,
  "tsnr": 77.80554217752069
}