{
  "aor": 0.0006684771573604061,
  "aqi": 0.006222941725888326,
  "bids_meta": {
    "CogAtlasID": "http://www.cognitiveatlas.org/term/id/trm_54e69c642d89b",
    "EchoTime": 0.03,
    "EffectiveEchoSpacing": 0.0005,
    "FlipAngle": 80,
    "Instructions": "Subjects were instructed to close their eyes during the scan.",
    "MagneticFieldStrength": 3,
    "Manufacturer": "Siemens",
    "ManufacturersModelName": "Verio",
    "PhaseEncodingDirection": "j-",
    "RepetitionTime": 2.5,
    "SliceTiming": [
      0,
      0.065,
      0.13,
      0.195,
      0.2575,
      0.3225,
      0.3875,
      0.4525,
      0.515,
      0.58,
      0.645,
      0.7075,
      0.7725,
      0.8375,
      0.9025,
      0.965,
      1.03,
      1.095,
      1.16,
      1.2225,
      1.2875,
      1.3525,
      1.4175,
      1.48,
      1.545,
      1.61,
      1.675,
      1.7375,
      1.8025,
      1.8675,
      1.9325,
      1.995,
      2.06,
      2.125,
      2.1875,
      2.2525,
      2.3175,
      2.3825,
      2.445
    ],
    "SoftwareVersions": "syngo_MR_B17",
    "TaskName": "rest",
    "TotalReadoutTime": 0.0315,
    "dataset": "ds000245",
    "modality": "bold",
    "subject_id": "CTL04",
    "task_id": "rest"
  },
  "dummy_trs": 1,
  "dvars_nstd": 24.242711592755118,
  "dvars_std": 1.2542874676530613,
  "dvars_vstd": 0.9611052667857143,
  "efc": 0.5414892352615063,
  "fber": 1372.3035888671875,
  "fd_mean": 0.22435870458711676,
  "fd_num": 118,
  "fd_perc": 59.898477157360404,
  "fwhm_avg": 1.76605015347847,
  "fwhm_x": 1.7406466666666667,
  "fwhm_y": 1.8663299999999998,
  "fwhm_z": 1.6911737937687437,
  "gcor": 0.0205805,
  "gsr_x": -0.002273439895361662,
  "gsr_y": 0.026241285726428032,
  "provenance": {
    "md5sum": "dbb2d0cb228842ec10d73eb797e5dd8f",
    "settings": {
      "fd_thres": 0.2,
      "testing": false
    },
    "software": "mriqc",
    "version": "21.0.0rc2",
    "webapi_port": null,
    "webapi_url": "https://mriqc.nimh.nih.gov/api/v1"
  },
  "size_t": 197,
  "size_x": 64,
  "size_y": 64,
  "size_z": 39,
  "snr": 4.846463923393538,
  "spacing_tr": 2.5,
  "spacing_x": 3.0,
  "spacing_y": 3.0,
  "spacing_z": 3.509999990463257,
  "summary_bg_k": 44.09401007670381,
  "summary_bg_mad": 11.311426539948961,
  "summary_bg_mean": 37.58464813232422,
  "summary_bg_median": 17.142131805419922,
  "summary_bg_n": 91858.0,
  "summary_bg_p05": 7.436548233032227,
  "summary_bg_p95": 140.82258911132791,
  "summary_bg_stdv": 65.4279556274414,
  "summary_fg_k": 4.064303211465826,
  "summary_fg_mad": 99.50365703531136,
  "summary_fg_mean": 673.2089233398438,
  "summary_fg_median": 648.373046875,
  "summary_fg_n": 32650.0,
  "summary_fg_p05": 514.7893310546875,
  "summary_fg_p95": 912.2954193115235,
  "summary_fg_stdv": 133.78065490722656,
  "tsnr": 77.02334872470237
}