{
  "aor": 0.0010805050505050505,
  "aqi": 0.004503145050505051,
  "bids_meta": {
    "CogAtlasID": "http://www.cognitiveatlas.org/term/id/trm_54e69c642d89b",
    "EchoTime": 0.03,
    "EffectiveEchoSpacing": 0.0005,
    "FlipAngle": 80,
    "Instructions": "Subjects were instructed to close their eyes during the scan.",
    "MagneticFieldStrength": 3,
    "Manufacturer": "Siemens",
    "ManufacturersModelName": "Verio",
    "PhaseEncodingDirection": "j-",
    "RepetitionTime": 2.5,
    "SliceTiming": [
      0,
      0.065,
      0.13,
      0.195,
      0.2575,
      0.3225,
      0.3875,
      0.4525,
      0.515,
      0.58,
      0.645,
      0.7075,
      0.7725,
      0.8375,
      0.9025,
      0.965,
      1.03,
      1.095,
      1.16,
      1.2225,
      1.2875,
      1.3525,
      1.4175,
      1.48,
      1.545,
      1.61,
      1.675,
      1.7375,
      1.8025,
      1.8675,
      1.9325,
      1.995,
      2.06,
      2.125,
      2.1875,
      2.2525,
      2.3175,
      2.3825,
      2.445
    ],
    "SoftwareVersions": "syngo_MR_B17",
    "TaskName": "rest",
    "TotalReadoutTime": 0.0315,
    "dataset": "ds000245",
    "modality": "bold",
    "subject_id": "CTL10",
    "task_id": "rest"
  },
  "dummy_trs": 0,
  "dvars_nstd": 23.692836848375645,
  "dvars_std": 1.386546150761421,
  "dvars_vstd": 0.9753161844670052,
  "efc": 0.5595531193035896,
  "fber": 1559.526123046875,
  "fd_mean": 0.11129419824113862,
  "fd_num": 28,
  "fd_perc": 14.141414141414142,
  "fwhm_avg": 1.6494890992241904,
  "fwhm_x": 1.58732,
  "fwhm_y": 1.8060333333333334,
  "fwhm_z": 1.555113964339237,
  "gcor": 0.0929881,
  "gsr_x": -0.008567549288272858,
  "gsr_y": 0.03559666499495506,
  "provenance": {
    "md5sum": "67b8dacb5b81bab632dbce2fc0a23887",
    "settings": {
      "fd_thres": 0.2,
      "testing": false
    },
    "software": "mriqc",
    "version": "21.0.0rc2",
    "webapi_port": null,
    "webapi_url": "https://mriqc.nimh.nih.gov/api/v1"
  },
  "size_t": 198,
  "size_x": 64,
  "size_y": 64,
  "size_z": 39,
  "snr": 4.855137032556921,
  "spacing_tr": 2.5,
  "spacing_x": 3.0,
  "spacing_y": 3.0,
  "spacing_z": 3.509999990463257,
  "summary_bg_k": 36.24838314334898,
  "summary_bg_mad": 12.310090719131466,
  "summary_bg_mean": 41.54347229003906,
  "summary_bg_median": 17.646465301513672,
  "summary_bg_n": 87394.0,
  "summary_bg_p05": 7.818181991577148,
  "summary_bg_p95": 154.90605773925765,
  "summary_bg_stdv": 69.41019439697266,
  "summary_fg_k": 2.048439779315241,
  "summary_fg_mad": 119.29708438288243,
  "summary_fg_mean": 750.9034423828125,
  "summary_fg_median": 720.8282470703125,
  "summary_fg_n": 35866.0,
  "summary_fg_p05": 578.8383636474609,
  "summary_fg_p95": 1047.7916259765625,
  "summary_fg_stdv": 148.46505737304688,
  "tsnr": 83.400241792202
}