{
  "aor": 0.0005407575757575757,
  "aqi": 0.006906700757575758,
  "bids_meta": {
    "CogAtlasID": "http://www.cognitiveatlas.org/term/id/trm_54e69c642d89b",
    "EchoTime": 0.03,
    "EffectiveEchoSpacing": 0.0005,
    "FlipAngle": 80,
    "Instructions": "Subjects were instructed to close their eyes during the scan.",
    "MagneticFieldStrength": 3,
    "Manufacturer": "Siemens",
    "ManufacturersModelName": "Verio",
    "PhaseEncodingDirection": "j-",
    "RepetitionTime": 2.5,
    "SliceTiming": [
      0,
      0.065,
      0.13,
      0.195,
      0.2575,
      0.3225,
      0.3875,
      0.4525,
      0.515,
      0.58,
      0.645,
      0.7075,
      0.7725,
      0.8375,
      0.9025,
      0.965,
      1.03,
      1.095,
      1.16,
      1.2225,
      1.2875,
      1.3525,
      1.4175,
      1.48,
      1.545,
      1.61,
      1.675,
      1.7375,
      1.8025,
      1.8675,
      1.9325,
      1.995,
      2.06,
      2.125,
      2.1875,
      2.2525,
      2.3175,
      2.3825,
      2.445
    ],
    "SoftwareVersions": "syngo_MR_B17",
    "TaskName": "rest",
    "TotalReadoutTime": 0.0315,
    "dataset": "ds000245",
    "modality": "bold",
    "subject_id": "CTL08",
    "task_id": "rest"
  },
  "dummy_trs": 0,
  "dvars_nstd": 25.14988635888325,
  "dvars_std": 1.4274678922842647,
  "dvars_vstd": 0.9636088372588827,
  "efc": 0.5383531364929545,
  "fber": 1394.0162353515625,
  "fd_mean": 0.09615225201371168,
  "fd_num": 4,
  "fd_perc": 2.0202020202020203,
  "fwhm_avg": 1.5779503147670921,
  "fwhm_x": 1.5446900000000001,
  "fwhm_y": 1.66899,
  "fwhm_z": 1.5201709443012763,
  "gcor": 0.0887996,
  "gsr_x": -0.004997112322598696,
  "gsr_y": 0.030069122090935707,
  "provenance": {
    "md5sum": "59fc2bf332dc2d05384ff80043f37180",
    "settings": {
      "fd_thres": 0.2,
      "testing": false
    },
    "software": "mriqc",
    "version": "21.0.0rc2",
    "webapi_port": null,
    "webapi_url": "https://mriqc.nimh.nih.gov/api/v1"
  },
  "size_t": 198,
  "size_x": 64,
  "size_y": 64,
  "size_z": 39,
  "snr": 6.216911549345602,
  "spacing_tr": 2.5,
  "spacing_x": 3.0,
  "spacing_y": 3.0,
  "spacing_z": 3.509999990463257,
  "summary_bg_k": 53.59551678570535,
  "summary_bg_mad": 12.542213909259853,
  "summary_bg_mean": 40.65363693237305,
  "summary_bg_median": 18.22222137451172,
  "summary_bg_n": 93858.0,
  "summary_bg_p05": 7.78787899017334,
  "summary_bg_p95": 156.49065628051756,
  "summary_bg_stdv": 75.4183578491211,
  "summary_fg_k": 2.750552928564307,
  "summary_fg_mad": 98.3309407602428,
  "summary_fg_mean": 707.1024780273438,
  "summary_fg_median": 694.45703125,
  "summary_fg_n": 31290.0,
  "summary_fg_p05": 560.2641326904297,
  "summary_fg_p95": 895.9305755615234,
  "summary_fg_stdv": 111.70272064208984,
  "tsnr": 80.55687776603736
}