{
  "aor": 0.0028325252525252527,
  "aqi": 0.004557443939393939,
  "bids_meta": {
    "CogAtlasID": "http://www.cognitiveatlas.org/term/id/trm_54e69c642d89b",
    "EchoTime": 0.03,
    "EffectiveEchoSpacing": 0.0005,
    "FlipAngle": 80,
    "Instructions": "Subjects were instructed to close their eyes during the scan.",
    "MagneticFieldStrength": 3,
    "Manufacturer": "Siemens",
    "ManufacturersModelName": "Verio",
    "PhaseEncodingDirection": "j-",
    "RepetitionTime": 2.5,
    "SliceTiming": [
      0,
      0.065,
      0.13,
      0.195,
      0.2575,
      0.3225,
      0.3875,
      0.4525,
      0.515,
      0.58,
      0.645,
      0.7075,
      0.7725,
      0.8375,
      0.9025,
      0.965,
      1.03,
      1.095,
      1.16,
      1.2225,
      1.2875,
      1.3525,
      1.4175,
      1.48,
      1.545,
      1.61,
      1.675,
      1.7375,
      1.8025,
      1.8675,
      1.9325,
      1.995,
      2.06,
      2.125,
      2.1875,
      2.2525,
      2.3175,
      2.3825,
      2.445
    ],
    "SoftwareVersions": "syngo_MR_B17",
    "TaskName": "rest",
    "TotalReadoutTime": 0.0315,
    "dataset": "ds000245",
    "modality": "bold",
    "subject_id": "ODN03",
    "task_id": "rest"
  },
  "dummy_trs": 0,
  "dvars_nstd": 19.46734777949239,
  "dvars_std": 1.28374646213198,
  "dvars_vstd": 0.9926517626903555,
  "efc": 0.5082187415646189,
  "fber": 2138.652587890625,
  "fd_mean": 0.11244550179802822,
  "fd_num": 20,
  "fd_perc": 10.1010101010101,
  "fwhm_avg": 1.6462771049413003,
  "fwhm_x": 1.6196466666666665,
  "fwhm_y": 1.7429766666666666,
  "fwhm_z": 1.5762079814905672,
  "gcor": 0.0440132,
  "gsr_x": 0.00011946968879783526,
  "gsr_y": 0.035967666655778885,
  "provenance": {
    "md5sum": "0a9e10711ccb592d0cb33f2a1c12b7bb",
    "settings": {
      "fd_thres": 0.2,
      "testing": false
    },
    "software": "mriqc",
    "version": "21.0.0rc2",
    "webapi_port": null,
    "webapi_url": "https://mriqc.nimh.nih.gov/api/v1"
  },
  "size_t": 198,
  "size_x": 64,
  "size_y": 64,
  "size_z": 39,
  "snr": 5.007584946844175,
  "spacing_tr": 2.5,
  "spacing_x": 3.0,
  "spacing_y": 3.0,
  "spacing_z": 3.509999990463257,
  "summary_bg_k": 52.19788194394437,
  "summary_bg_mad": 9.502132528960418,
  "summary_bg_mean": 32.31065368652344,
  "summary_bg_median": 14.722222328186035,
  "summary_bg_n": 96116.0,
  "summary_bg_p05": 6.681818008422852,
  "summary_bg_p95": 112.64772415161133,
  "summary_bg_stdv": 62.35791015625,
  "summary_fg_k": 3.0564707712265227,
  "summary_fg_mad": 113.16442844108903,
  "summary_fg_mean": 715.9774169921875,
  "summary_fg_median": 691.1060791015625,
  "summary_fg_n": 29401.0,
  "summary_fg_p05": 556.2828369140625,
  "summary_fg_p95": 976.8030395507812,
  "summary_fg_stdv": 138.00950622558594,
  "tsnr": 84.73371990723535
}