{
  "aor": 0.0010251515151515152,
  "aqi": 0.012983618484848485,
  "bids_meta": {
    "CogAtlasID": "http://www.cognitiveatlas.org/term/id/trm_54e69c642d89b",
    "EchoTime": 0.03,
    "EffectiveEchoSpacing": 0.0005,
    "FlipAngle": 80,
    "Instructions": "Subjects were instructed to close their eyes during the scan.",
    "MagneticFieldStrength": 3,
    "Manufacturer": "Siemens",
    "ManufacturersModelName": "Verio",
    "PhaseEncodingDirection": "j-",
    "RepetitionTime": 2.5,
    "SliceTiming": [
      0,
      0.065,
      0.13,
      0.195,
      0.2575,
      0.3225,
      0.3875,
      0.4525,
      0.515,
      0.58,
      0.645,
      0.7075,
      0.7725,
      0.8375,
      0.9025,
      0.965,
      1.03,
      1.095,
      1.16,
      1.2225,
      1.2875,
      1.3525,
      1.4175,
      1.48,
      1.545,
      1.61,
      1.675,
      1.7375,
      1.8025,
      1.8675,
      1.9325,
      1.995,
      2.06,
      2.125,
      2.1875,
      2.2525,
      2.3175,
      2.3825,
      2.445
    ],
    "SoftwareVersions": "syngo_MR_B17",
    "TaskName": "rest",
    "TotalReadoutTime": 0.0315,
    "dataset": "ds000245",
    "modality": "bold",
    "subject_id": "ODN07",
    "task_id": "rest"
  },
  "dummy_trs": 0,
  "dvars_nstd": 18.98128533233502,
  "dvars_std": 1.0281570031472076,
  "dvars_vstd": 0.9312503354314722,
  "efc": 0.5227013968924767,
  "fber": 1260.5538330078125,
  "fd_mean": 0.18331371004946564,
  "fd_num": 67,
  "fd_perc": 33.83838383838384,
  "fwhm_avg": 1.7632166396938196,
  "fwhm_x": 1.7198166666666665,
  "fwhm_y": 1.8946366666666667,
  "fwhm_z": 1.6751965857481252,
  "gcor": 0.0315645,
  "gsr_x": -0.010696186684072018,
  "gsr_y": 0.02514524944126606,
  "provenance": {
    "md5sum": "0e2d663ca37993fae47f3a5b097e63fd",
    "settings": {
      "fd_thres": 0.2,
      "testing": false
    },
    "software": "mriqc",
    "version": "21.0.0rc2",
    "webapi_port": null,
    "webapi_url": "https://mriqc.nimh.nih.gov/api/v1"
  },
  "size_t": 198,
  "size_x": 64,
  "size_y": 64,
  "size_z": 39,
  "snr": 5.22337427548803,
  "spacing_tr": 2.5,
  "spacing_x": 3.0,
  "spacing_y": 3.0,
  "spacing_z": 3.509999990463257,
  "summary_bg_k": 28.73586210360289,
  "summary_bg_mad": 14.264430264237879,
  "summary_bg_mean": 45.959529876708984,
  "summary_bg_median": 20.696969985961914,
  "summary_bg_n": 98495.0,
  "summary_bg_p05": 9.303030014038086,
  "summary_bg_p95": 164.79292297363222,
  "summary_bg_stdv": 69.65860748291016,
  "summary_fg_k": 2.869607978159129,
  "summary_fg_mad": 102.80123439398828,
  "summary_fg_mean": 765.5172729492188,
  "summary_fg_median": 739.757568359375,
  "summary_fg_n": 27673.0,
  "summary_fg_p05": 591.5110961914063,
  "summary_fg_p95": 1038.4828369140625,
  "summary_fg_stdv": 141.6219024658203,
  "tsnr": 57.34414816007484
}