{
  "aor": 0.0013683838383838384,
  "aqi": 0.011193500404040404,
  "bids_meta": {
    "CogAtlasID": "http://www.cognitiveatlas.org/term/id/trm_54e69c642d89b",
    "EchoTime": 0.03,
    "EffectiveEchoSpacing": 0.0005,
    "FlipAngle": 80,
    "Instructions": "Subjects were instructed to close their eyes during the scan.",
    "MagneticFieldStrength": 3,
    "Manufacturer": "Siemens",
    "ManufacturersModelName": "Verio",
    "PhaseEncodingDirection": "j-",
    "RepetitionTime": 2.5,
    "SliceTiming": [
      0,
      0.065,
      0.13,
      0.195,
      0.2575,
      0.3225,
      0.3875,
      0.4525,
      0.515,
      0.58,
      0.645,
      0.7075,
      0.7725,
      0.8375,
      0.9025,
      0.965,
      1.03,
      1.095,
      1.16,
      1.2225,
      1.2875,
      1.3525,
      1.4175,
      1.48,
      1.545,
      1.61,
      1.675,
      1.7375,
      1.8025,
      1.8675,
      1.9325,
      1.995,
      2.06,
      2.125,
      2.1875,
      2.2525,
      2.3175,
      2.3825,
      2.445
    ],
    "SoftwareVersions": "syngo_MR_B17",
    "TaskName": "rest",
    "TotalReadoutTime": 0.0315,
    "dataset": "ds000245",
    "modality": "bold",
    "subject_id": "ODN04",
    "task_id": "rest"
  },
  "dummy_trs": 0,
  "dvars_nstd": 22.775452483502544,
  "dvars_std": 1.170340276954315,
  "dvars_vstd": 0.9543760736040604,
  "efc": 0.5200494298343954,
  "fber": 1564.915283203125,
  "fd_mean": 0.29702983313219705,
  "fd_num": 142,
  "fd_perc": 71.71717171717172,
  "fwhm_avg": 1.7091936766902018,
  "fwhm_x": 1.6790466666666666,
  "fwhm_y": 1.8182266666666667,
  "fwhm_z": 1.6303076967372723,
  "gcor": 0.0687519,
  "gsr_x": -0.009211023338139057,
  "gsr_y": 0.028588874265551567,
  "provenance": {
    "md5sum": "08df26e62abd4247bd54a7f83281f45f",
    "settings": {
      "fd_thres": 0.2,
      "testing": false
    },
    "software": "mriqc",
    "version": "21.0.0rc2",
    "webapi_port": null,
    "webapi_url": "https://mriqc.nimh.nih.gov/api/v1"
  },
  "size_t": 198,
  "size_x": 64,
  "size_y": 64,
  "size_z": 39,
  "snr": 5.175249348398862,
  "spacing_tr": 2.5,
  "spacing_x": 3.0,
  "spacing_y": 3.0,
  "spacing_z": 3.509999990463257,
  "summary_bg_k": 73.1614537675821,
  "summary_bg_mad": 13.11878489492675,
  "summary_bg_mean": 42.67415237426758,
  "summary_bg_median": 19.272727966308594,
  "summary_bg_n": 96482.0,
  "summary_bg_p05": 8.828282356262207,
  "summary_bg_p95": 150.36716766357412,
  "summary_bg_stdv": 76.61783599853516,
  "summary_fg_k": 2.185505799234292,
  "summary_fg_mad": 112.3932653486754,
  "summary_fg_mean": 795.7355346679688,
  "summary_fg_median": 770.388916015625,
  "summary_fg_n": 29492.0,
  "summary_fg_p05": 604.0515167236329,
  "summary_fg_p95": 1089.0424560546871,
  "summary_fg_stdv": 148.85772705078125,
  "tsnr": 58.50213245744817
}