{
  "aor": 0.006254619289340101,
  "aqi": 0.01382422456852792,
  "bids_meta": {
    "CogAtlasID": "http://www.cognitiveatlas.org/term/id/trm_54e69c642d89b",
    "EchoTime": 0.03,
    "EffectiveEchoSpacing": 0.0005,
    "FlipAngle": 80,
    "Instructions": "Subjects were instructed to close their eyes during the scan.",
    "MagneticFieldStrength": 3,
    "Manufacturer": "Siemens",
    "ManufacturersModelName": "Verio",
    "PhaseEncodingDirection": "j-",
    "RepetitionTime": 2.5,
    "SliceTiming": [
      0,
      0.065,
      0.13,
      0.195,
      0.2575,
      0.3225,
      0.3875,
      0.4525,
      0.515,
      0.58,
      0.645,
      0.7075,
      0.7725,
      0.8375,
      0.9025,
      0.965,
      1.03,
      1.095,
      1.16,
      1.2225,
      1.2875,
      1.3525,
      1.4175,
      1.48,
      1.545,
      1.61,
      1.675,
      1.7375,
      1.8025,
      1.8675,
      1.9325,
      1.995,
      2.06,
      2.125,
      2.1875,
      2.2525,
      2.3175,
      2.3825,
      2.445
    ],
    "SoftwareVersions": "syngo_MR_B17",
    "TaskName": "rest",
    "TotalReadoutTime": 0.0315,
    "dataset": "ds000245",
    "modality": "bold",
    "subject_id": "CTL15",
    "task_id": "rest"
  },
  "dummy_trs": 1,
  "dvars_nstd": 33.253122417602036,
  "dvars_std": 1.2305440773469383,
  "dvars_vstd": 1.0185291959693878,
  "efc": 0.5754185273959146,
  "fber": 1205.36962890625,
  "fd_mean": 0.4260602032030456,
  "fd_num": 160,
  "fd_perc": 81.21827411167513,
  "fwhm_avg": 1.6946697525237617,
  "fwhm_x": 1.6549933333333333,
  "fwhm_y": 1.8397166666666667,
  "fwhm_z": 1.5892992575712848,
  "gcor": 0.027406,
  "gsr_x": 0.006752257235348225,
  "gsr_y": 0.025041690096259117,
  "provenance": {
    "md5sum": "cb0924e30058a016ea9aba4758eaf3da",
    "settings": {
      "fd_thres": 0.2,
      "testing": false
    },
    "software": "mriqc",
    "version": "21.0.0rc2",
    "webapi_port": null,
    "webapi_url": "https://mriqc.nimh.nih.gov/api/v1"
  },
  "size_t": 197,
  "size_x": 64,
  "size_y": 64,
  "size_z": 39,
  "snr": 5.11048107007213,
  "spacing_tr": 2.5,
  "spacing_x": 3.0,
  "spacing_y": 3.0,
  "spacing_z": 3.5099997520446777,
  "summary_bg_k": 33.78225597968207,
  "summary_bg_mad": 13.27568614537054,
  "summary_bg_mean": 47.36332702636719,
  "summary_bg_median": 19.233501434326172,
  "summary_bg_n": 86162.0,
  "summary_bg_p05": 8.842638969421387,
  "summary_bg_p95": 189.9842636108398,
  "summary_bg_stdv": 78.83811950683594,
  "summary_fg_k": 2.611030509371486,
  "summary_fg_mad": 96.83947043764702,
  "summary_fg_mean": 705.7552490234375,
  "summary_fg_median": 682.8857421875,
  "summary_fg_n": 37226.0,
  "summary_fg_p05": 540.4390716552734,
  "summary_fg_p95": 970.6129150390625,
  "summary_fg_stdv": 133.6227569580078,
  "tsnr": 50.508273331448436
}