{
  "aor": 0.006727424242424241,
  "aqi": 0.010862127525252525,
  "bids_meta": {
    "CogAtlasID": "http://www.cognitiveatlas.org/term/id/trm_54e69c642d89b",
    "EchoTime": 0.03,
    "EffectiveEchoSpacing": 0.0005,
    "FlipAngle": 80,
    "Instructions": "Subjects were instructed to close their eyes during the scan.",
    "MagneticFieldStrength": 3,
    "Manufacturer": "Siemens",
    "ManufacturersModelName": "Verio",
    "PhaseEncodingDirection": "j-",
    "RepetitionTime": 2.5,
    "SliceTiming": [
      0,
      0.065,
      0.13,
      0.195,
      0.2575,
      0.3225,
      0.3875,
      0.4525,
      0.515,
      0.58,
      0.645,
      0.7075,
      0.7725,
      0.8375,
      0.9025,
      0.965,
      1.03,
      1.095,
      1.16,
      1.2225,
      1.2875,
      1.3525,
      1.4175,
      1.48,
      1.545,
      1.61,
      1.675,
      1.7375,
      1.8025,
      1.8675,
      1.9325,
      1.995,
      2.06,
      2.125,
      2.1875,
      2.2525,
      2.3175,
      2.3825,
      2.445
    ],
    "SoftwareVersions": "syngo_MR_B17",
    "TaskName": "rest",
    "TotalReadoutTime": 0.0315,
    "dataset": "ds000245",
    "modality": "bold",
    "subject_id": "ODP02",
    "task_id": "rest"
  },
  "dummy_trs": 0,
  "dvars_nstd": 29.850020490913714,
  "dvars_std": 1.2893087608629443,
  "dvars_vstd": 1.0246466092385784,
  "efc": 0.5340506555348341,
  "fber": 1571.548828125,
  "fd_mean": 0.28647847888574235,
  "fd_num": 129,
  "fd_perc": 65.15151515151516,
  "fwhm_avg": 1.722331103090239,
  "fwhm_x": 1.6861733333333333,
  "fwhm_y": 1.85131,
  "fwhm_z": 1.629509975937384,
  "gcor": 0.0629135,
  "gsr_x": -0.011261248029768467,
  "gsr_y": 0.03455502912402153,
  "provenance": {
    "md5sum": "e50cd518e8e21a0f199d1cae91ff1066",
    "settings": {
      "fd_thres": 0.2,
      "testing": false
    },
    "software": "mriqc",
    "version": "21.0.0rc2",
    "webapi_port": null,
    "webapi_url": "https://mriqc.nimh.nih.gov/api/v1"
  },
  "size_t": 198,
  "size_x": 64,
  "size_y": 64,
  "size_z": 39,
  "snr": 4.919187855167774,
  "spacing_tr": 2.5,
  "spacing_x": 3.0,
  "spacing_y": 3.0,
  "spacing_z": 3.509999990463257,
  "summary_bg_k": 57.388067914767234,
  "summary_bg_mad": 9.876527142839178,
  "summary_bg_mean": 37.569236755371094,
  "summary_bg_median": 15.540404319763184,
  "summary_bg_n": 93738.0,
  "summary_bg_p05": 7.277777671813965,
  "summary_bg_p95": 138.7850944519042,
  "summary_bg_stdv": 73.18303680419922,
  "summary_fg_k": 2.9229394268490925,
  "summary_fg_mad": 91.79406215548158,
  "summary_fg_mean": 652.0130615234375,
  "summary_fg_median": 624.1136474609375,
  "summary_fg_n": 31196.0,
  "summary_fg_p05": 502.28282165527344,
  "summary_fg_p95": 904.8472290039062,
  "summary_fg_stdv": 126.87127685546875,
  "tsnr": 58.98815754568204
}