{
  "aor": 0.0013921717171717172,
  "aqi": 0.008009278333333333,
  "bids_meta": {
    "CogAtlasID": "http://www.cognitiveatlas.org/term/id/trm_54e69c642d89b",
    "EchoTime": 0.03,
    "EffectiveEchoSpacing": 0.0005,
    "FlipAngle": 80,
    "Instructions": "Subjects were instructed to close their eyes during the scan.",
    "MagneticFieldStrength": 3,
    "Manufacturer": "Siemens",
    "ManufacturersModelName": "Verio",
    "PhaseEncodingDirection": "j-",
    "RepetitionTime": 2.5,
    "SliceTiming": [
      0,
      0.065,
      0.13,
      0.195,
      0.2575,
      0.3225,
      0.3875,
      0.4525,
      0.515,
      0.58,
      0.645,
      0.7075,
      0.7725,
      0.8375,
      0.9025,
      0.965,
      1.03,
      1.095,
      1.16,
      1.2225,
      1.2875,
      1.3525,
      1.4175,
      1.48,
      1.545,
      1.61,
      1.675,
      1.7375,
      1.8025,
      1.8675,
      1.9325,
      1.995,
      2.06,
      2.125,
      2.1875,
      2.2525,
      2.3175,
      2.3825,
      2.445
    ],
    "SoftwareVersions": "syngo_MR_B17",
    "TaskName": "rest",
    "TotalReadoutTime": 0.0315,
    "dataset": "ds000245",
    "modality": "bold",
    "subject_id": "ODN02",
    "task_id": "rest"
  },
  "dummy_trs": 0,
  "dvars_nstd": 22.488952738375644,
  "dvars_std": 1.4195870207106607,
  "dvars_vstd": 0.9884917482741122,
  "efc": 0.5145876022991797,
  "fber": 2139.643798828125,
  "fd_mean": 0.14071887054567367,
  "fd_num": 23,
  "fd_perc": 11.616161616161616,
  "fwhm_avg": 1.6501037146065298,
  "fwhm_x": 1.6073633333333335,
  "fwhm_y": 1.7903466666666665,
  "fwhm_z": 1.5526011438195892,
  "gcor": 0.055904,
  "gsr_x": -0.002025865251198411,
  "gsr_y": 0.02780047431588173,
  "provenance": {
    "md5sum": "fcb981c4dc3760a5c5c86f9b51c537ed",
    "settings": {
      "fd_thres": 0.2,
      "testing": false
    },
    "software": "mriqc",
    "version": "21.0.0rc2",
    "webapi_port": null,
    "webapi_url": "https://mriqc.nimh.nih.gov/api/v1"
  },
  "size_t": 198,
  "size_x": 64,
  "size_y": 64,
  "size_z": 39,
  "snr": 6.402246455113233,
  "spacing_tr": 2.5,
  "spacing_x": 3.0,
  "spacing_y": 3.0,
  "spacing_z": 3.509999990463257,
  "summary_bg_k": 103.96411197787748,
  "summary_bg_mad": 9.80913690413601,
  "summary_bg_mean": 32.62779235839844,
  "summary_bg_median": 15.38888931274414,
  "summary_bg_n": 95341.0,
  "summary_bg_p05": 6.666666507720947,
  "summary_bg_p95": 105.51010131835938,
  "summary_bg_stdv": 64.72930145263672,
  "summary_fg_k": 4.8151889583736285,
  "summary_fg_mad": 78.72016920967208,
  "summary_fg_mean": 737.43017578125,
  "summary_fg_median": 721.5757446289062,
  "summary_fg_n": 29675.0,
  "summary_fg_p05": 600.8439514160157,
  "summary_fg_p95": 932.0383789062498,
  "summary_fg_stdv": 112.70475006103516,
  "tsnr": 86.1375977108255
}