{
  "aor": 0.0014463636363636363,
  "aqi": 0.007846603484848485,
  "bids_meta": {
    "CogAtlasID": "http://www.cognitiveatlas.org/term/id/trm_54e69c642d89b",
    "EchoTime": 0.03,
    "EffectiveEchoSpacing": 0.0005,
    "FlipAngle": 80,
    "Instructions": "Subjects were instructed to close their eyes during the scan.",
    "MagneticFieldStrength": 3,
    "Manufacturer": "Siemens",
    "ManufacturersModelName": "Verio",
    "PhaseEncodingDirection": "j-",
    "RepetitionTime": 2.5,
    "SliceTiming": [
      0,
      0.065,
      0.13,
      0.195,
      0.2575,
      0.3225,
      0.3875,
      0.4525,
      0.515,
      0.58,
      0.645,
      0.7075,
      0.7725,
      0.8375,
      0.9025,
      0.965,
      1.03,
      1.095,
      1.16,
      1.2225,
      1.2875,
      1.3525,
      1.4175,
      1.48,
      1.545,
      1.61,
      1.675,
      1.7375,
      1.8025,
      1.8675,
      1.9325,
      1.995,
      2.06,
      2.125,
      2.1875,
      2.2525,
      2.3175,
      2.3825,
      2.445
    ],
    "SoftwareVersions": "syngo_MR_B17",
    "TaskName": "rest",
    "TotalReadoutTime": 0.0315,
    "dataset": "ds000245",
    "modality": "bold",
    "subject_id": "ODP05",
    "task_id": "rest"
  },
  "dummy_trs": 0,
  "dvars_nstd": 21.798965647309657,
  "dvars_std": 1.1593659999999997,
  "dvars_vstd": 0.9690058862944162,
  "efc": 0.5939009793974506,
  "fber": 973.696044921875,
  "fd_mean": 0.2443845938745578,
  "fd_num": 114,
  "fd_perc": 57.57575757575758,
  "fwhm_avg": 1.854174419966349,
  "fwhm_x": 1.7700866666666668,
  "fwhm_y": 2.0088666666666666,
  "fwhm_z": 1.783569926565714,
  "gcor": 0.0716891,
  "gsr_x": 0.006829005666077137,
  "gsr_y": 0.03563543036580086,
  "provenance": {
    "md5sum": "7313a7c4db4b62f7070badbce8959676",
    "settings": {
      "fd_thres": 0.2,
      "testing": false
    },
    "software": "mriqc",
    "version": "21.0.0rc2",
    "webapi_port": null,
    "webapi_url": "https://mriqc.nimh.nih.gov/api/v1"
  },
  "size_t": 198,
  "size_x": 64,
  "size_y": 64,
  "size_z": 39,
  "snr": 4.452943666769236,
  "spacing_tr": 2.5,
  "spacing_x": 3.0,
  "spacing_y": 3.0,
  "spacing_z": 3.5099997520446777,
  "summary_bg_k": 26.622680024083284,
  "summary_bg_mad": 16.36852652376007,
  "summary_bg_mean": 49.29914474487305,
  "summary_bg_median": 20.409090042114258,
  "summary_bg_n": 82572.0,
  "summary_bg_p05": 7.040403842926025,
  "summary_bg_p95": 193.8802993774412,
  "summary_bg_stdv": 76.31805419921875,
  "summary_fg_k": 2.5588098838972337,
  "summary_fg_mad": 99.3942535879131,
  "summary_fg_mean": 684.06591796875,
  "summary_fg_median": 654.2373657226562,
  "summary_fg_n": 39697.0,
  "summary_fg_p05": 506.9828186035156,
  "summary_fg_p95": 994.1010253906247,
  "summary_fg_stdv": 146.92059326171875,
  "tsnr": 60.570504917996004
}