{
  "aor": 0.0035818686868686876,
  "aqi": 0.022862170707070705,
  "bids_meta": {
    "CogAtlasID": "http://www.cognitiveatlas.org/term/id/trm_54e69c642d89b",
    "EchoTime": 0.03,
    "EffectiveEchoSpacing": 0.0005,
    "FlipAngle": 80,
    "Instructions": "Subjects were instructed to close their eyes during the scan.",
    "MagneticFieldStrength": 3,
    "Manufacturer": "Siemens",
    "ManufacturersModelName": "Verio",
    "PhaseEncodingDirection": "j-",
    "RepetitionTime": 2.5,
    "SliceTiming": [
      0,
      0.065,
      0.13,
      0.195,
      0.2575,
      0.3225,
      0.3875,
      0.4525,
      0.515,
      0.58,
      0.645,
      0.7075,
      0.7725,
      0.8375,
      0.9025,
      0.965,
      1.03,
      1.095,
      1.16,
      1.2225,
      1.2875,
      1.3525,
      1.4175,
      1.48,
      1.545,
      1.61,
      1.675,
      1.7375,
      1.8025,
      1.8675,
      1.9325,
      1.995,
      2.06,
      2.125,
      2.1875,
      2.2525,
      2.3175,
      2.3825,
      2.445
    ],
    "SoftwareVersions": "syngo_MR_B17",
    "TaskName": "rest",
    "TotalReadoutTime": 0.0315,
    "dataset": "ds000245",
    "modality": "bold",
    "subject_id": "ODN14",
    "task_id": "rest"
  },
  "dummy_trs": 0,
  "dvars_nstd": 30.57560133096446,
  "dvars_std": 1.027715792233503,
  "dvars_vstd": 0.9318043824365483,
  "efc": 0.5898767110282137,
  "fber": 1248.1131591796875,
  "fd_mean": 0.6013431060554373,
  "fd_num": 160,
  "fd_perc": 80.8080808080808,
  "fwhm_avg": 1.738702223743452,
  "fwhm_x": 1.6531633333333333,
  "fwhm_y": 1.8832766666666665,
  "fwhm_z": 1.6796666712303558,
  "gcor": 0.0135611,
  "gsr_x": 0.011031382717192173,
  "gsr_y": 0.04138654097914696,
  "provenance": {
    "md5sum": "dac8b4f5d1d3e06244587f9fba979af9",
    "settings": {
      "fd_thres": 0.2,
      "testing": false
    },
    "software": "mriqc",
    "version": "21.0.0rc2",
    "webapi_port": null,
    "webapi_url": "https://mriqc.nimh.nih.gov/api/v1"
  },
  "size_t": 198,
  "size_x": 64,
  "size_y": 64,
  "size_z": 39,
  "snr": 5.250819283219125,
  "spacing_tr": 2.5,
  "spacing_x": 3.0,
  "spacing_y": 3.0,
  "spacing_z": 3.509999990463257,
  "summary_bg_k": 37.54663219837225,
  "summary_bg_mad": 15.380124573449782,
  "summary_bg_mean": 51.9465446472168,
  "summary_bg_median": 20.72222137451172,
  "summary_bg_n": 82805.0,
  "summary_bg_p05": 7.888888835906982,
  "summary_bg_p95": 200.54444580078126,
  "summary_bg_stdv": 86.43883514404297,
  "summary_fg_k": 2.4921693100905618,
  "summary_fg_mad": 121.38615633212683,
  "summary_fg_mean": 772.0018920898438,
  "summary_fg_median": 748.7322998046875,
  "summary_fg_n": 39723.0,
  "summary_fg_p05": 584.324755859375,
  "summary_fg_p95": 1022.9580810546876,
  "summary_fg_stdv": 142.5916290283203,
  "tsnr": 34.748605466098525
}