{
  "aor": 0.000977929292929293,
  "aqi": 0.0026911046464646463,
  "bids_meta": {
    "CogAtlasID": "http://www.cognitiveatlas.org/term/id/trm_54e69c642d89b",
    "EchoTime": 0.03,
    "EffectiveEchoSpacing": 0.0005,
    "FlipAngle": 80,
    "Instructions": "Subjects were instructed to close their eyes during the scan.",
    "MagneticFieldStrength": 3,
    "Manufacturer": "Siemens",
    "ManufacturersModelName": "Verio",
    "PhaseEncodingDirection": "j-",
    "RepetitionTime": 2.5,
    "SliceTiming": [
      0,
      0.065,
      0.13,
      0.195,
      0.2575,
      0.3225,
      0.3875,
      0.4525,
      0.515,
      0.58,
      0.645,
      0.7075,
      0.7725,
      0.8375,
      0.9025,
      0.965,
      1.03,
      1.095,
      1.16,
      1.2225,
      1.2875,
      1.3525,
      1.4175,
      1.48,
      1.545,
      1.61,
      1.675,
      1.7375,
      1.8025,
      1.8675,
      1.9325,
      1.995,
      2.06,
      2.125,
      2.1875,
      2.2525,
      2.3175,
      2.3825,
      2.445
    ],
    "SoftwareVersions": "syngo_MR_B17",
    "TaskName": "rest",
    "TotalReadoutTime": 0.0315,
    "dataset": "ds000245",
    "modality": "bold",
    "subject_id": "CTL02",
    "task_id": "rest"
  },
  "dummy_trs": 0,
  "dvars_nstd": 17.72413991071067,
  "dvars_std": 1.2474016951269038,
  "dvars_vstd": 0.9851780022335023,
  "efc": 0.5451688605849576,
  "fber": 1257.4388427734375,
  "fd_mean": 0.08195041125833956,
  "fd_num": 2,
  "fd_perc": 1.0101010101010102,
  "fwhm_avg": 1.7807120433313806,
  "fwhm_x": 1.72206,
  "fwhm_y": 1.9130533333333333,
  "fwhm_z": 1.7070227966608085,
  "gcor": 0.181132,
  "gsr_x": -0.005446049850434065,
  "gsr_y": 0.03299770876765251,
  "provenance": {
    "md5sum": "19e4edf7225e6ab17dbdd25811c586e0",
    "settings": {
      "fd_thres": 0.2,
      "testing": false
    },
    "software": "mriqc",
    "version": "21.0.0rc2",
    "webapi_port": null,
    "webapi_url": "https://mriqc.nimh.nih.gov/api/v1"
  },
  "size_t": 198,
  "size_x": 64,
  "size_y": 64,
  "size_z": 39,
  "snr": 4.558667801263692,
  "spacing_tr": 2.5,
  "spacing_x": 3.0,
  "spacing_y": 3.0,
  "spacing_z": 3.509999990463257,
  "summary_bg_k": 48.33767825420495,
  "summary_bg_mad": 13.448250797777188,
  "summary_bg_mean": 39.09156036376953,
  "summary_bg_median": 19.25757598876953,
  "summary_bg_n": 90295.0,
  "summary_bg_p05": 7.929293155670166,
  "summary_bg_p95": 132.28585205078141,
  "summary_bg_stdv": 69.17452239990234,
  "summary_fg_k": 1.8976690214941048,
  "summary_fg_mad": 127.66852939858562,
  "summary_fg_mean": 724.8229370117188,
  "summary_fg_median": 694.434326171875,
  "summary_fg_n": 34188.0,
  "summary_fg_p05": 547.8030395507812,
  "summary_fg_p95": 1032.5252685546875,
  "summary_fg_stdv": 152.33050537109375,
  "tsnr": 93.38641213369556
}