{
  "aor": 0.0005315151515151514,
  "aqi": 0.006704643585858587,
  "bids_meta": {
    "CogAtlasID": "http://www.cognitiveatlas.org/term/id/trm_54e69c642d89b",
    "EchoTime": 0.03,
    "EffectiveEchoSpacing": 0.0005,
    "FlipAngle": 80,
    "Instructions": "Subjects were instructed to close their eyes during the scan.",
    "MagneticFieldStrength": 3,
    "Manufacturer": "Siemens",
    "ManufacturersModelName": "Verio",
    "PhaseEncodingDirection": "j-",
    "RepetitionTime": 2.5,
    "SliceTiming": [
      0,
      0.065,
      0.13,
      0.195,
      0.2575,
      0.3225,
      0.3875,
      0.4525,
      0.515,
      0.58,
      0.645,
      0.7075,
      0.7725,
      0.8375,
      0.9025,
      0.965,
      1.03,
      1.095,
      1.16,
      1.2225,
      1.2875,
      1.3525,
      1.4175,
      1.48,
      1.545,
      1.61,
      1.675,
      1.7375,
      1.8025,
      1.8675,
      1.9325,
      1.995,
      2.06,
      2.125,
      2.1875,
      2.2525,
      2.3175,
      2.3825,
      2.445
    ],
    "SoftwareVersions": "syngo_MR_B17",
    "TaskName": "rest",
    "TotalReadoutTime": 0.0315,
    "dataset": "ds000245",
    "modality": "bold",
    "subject_id": "ODP10",
    "task_id": "rest"
  },
  "dummy_trs": 0,
  "dvars_nstd": 21.72220902989848,
  "dvars_std": 1.1883413078680203,
  "dvars_vstd": 0.9621958694416244,
  "efc": 0.5381227456758086,
  "fber": 1665.0318603515625,
  "fd_mean": 0.117738246463682,
  "fd_num": 14,
  "fd_perc": 7.070707070707071,
  "fwhm_avg": 1.634985680428551,
  "fwhm_x": 1.5951733333333333,
  "fwhm_y": 1.74608,
  "fwhm_z": 1.5637037079523193,
  "gcor": 0.0593858,
  "gsr_x": -0.0005200982559472322,
  "gsr_y": 0.02413114905357361,
  "provenance": {
    "md5sum": "071bc0c7c671b2c7243da08e1ff59e13",
    "settings": {
      "fd_thres": 0.2,
      "testing": false
    },
    "software": "mriqc",
    "version": "21.0.0rc2",
    "webapi_port": null,
    "webapi_url": "https://mriqc.nimh.nih.gov/api/v1"
  },
  "size_t": 198,
  "size_x": 64,
  "size_y": 64,
  "size_z": 39,
  "snr": 5.627194599903569,
  "spacing_tr": 2.5,
  "spacing_x": 3.0,
  "spacing_y": 3.0,
  "spacing_z": 3.509999990463257,
  "summary_bg_k": 43.527369724149665,
  "summary_bg_mad": 9.966381737056508,
  "summary_bg_mean": 38.936702728271484,
  "summary_bg_median": 17.636363983154297,
  "summary_bg_n": 92204.0,
  "summary_bg_p05": 9.292929649353027,
  "summary_bg_p95": 135.51641464233376,
  "summary_bg_stdv": 68.11914825439453,
  "summary_fg_k": 2.8796966796275143,
  "summary_fg_mad": 96.10708267791343,
  "summary_fg_mean": 755.0744018554688,
  "summary_fg_median": 734.727294921875,
  "summary_fg_n": 32671.0,
  "summary_fg_p05": 586.4520263671875,
  "summary_fg_p95": 1000.7626342773438,
  "summary_fg_stdv": 130.56524658203125,
  "tsnr": 74.34577587246895
}