{
  "aor": 0.0010257868020304567,
  "aqi": 0.00659453883248731,
  "bids_meta": {
    "CogAtlasID": "http://www.cognitiveatlas.org/term/id/trm_54e69c642d89b",
    "EchoTime": 0.03,
    "EffectiveEchoSpacing": 0.0005,
    "FlipAngle": 80,
    "Instructions": "Subjects were instructed to close their eyes during the scan.",
    "MagneticFieldStrength": 3,
    "Manufacturer": "Siemens",
    "ManufacturersModelName": "Verio",
    "PhaseEncodingDirection": "j-",
    "RepetitionTime": 2.5,
    "SliceTiming": [
      0,
      0.065,
      0.13,
      0.195,
      0.2575,
      0.3225,
      0.3875,
      0.4525,
      0.515,
      0.58,
      0.645,
      0.7075,
      0.7725,
      0.8375,
      0.9025,
      0.965,
      1.03,
      1.095,
      1.16,
      1.2225,
      1.2875,
      1.3525,
      1.4175,
      1.48,
      1.545,
      1.61,
      1.675,
      1.7375,
      1.8025,
      1.8675,
      1.9325,
      1.995,
      2.06,
      2.125,
      2.1875,
      2.2525,
      2.3175,
      2.3825,
      2.445
    ],
    "SoftwareVersions": "syngo_MR_B17",
    "TaskName": "rest",
    "TotalReadoutTime": 0.0315,
    "dataset": "ds000245",
    "modality": "bold",
    "subject_id": "ODP08",
    "task_id": "rest"
  },
  "dummy_trs": 1,
  "dvars_nstd": 22.44837068984692,
  "dvars_std": 1.3073220682142859,
  "dvars_vstd": 0.9716893581122458,
  "efc": 0.5481062287924928,
  "fber": 1417.1619873046875,
  "fd_mean": 0.09331800158831728,
  "fd_num": 8,
  "fd_perc": 4.060913705583756,
  "fwhm_avg": 1.691523790666208,
  "fwhm_x": 1.6544166666666669,
  "fwhm_y": 1.7723000000000002,
  "fwhm_z": 1.6478547053319565,
  "gcor": 0.0955978,
  "gsr_x": -0.007362664677202702,
  "gsr_y": 0.030380235984921455,
  "provenance": {
    "md5sum": "3839799bcfdf26604b4ba72a5dd9296f",
    "settings": {
      "fd_thres": 0.2,
      "testing": false
    },
    "software": "mriqc",
    "version": "21.0.0rc2",
    "webapi_port": null,
    "webapi_url": "https://mriqc.nimh.nih.gov/api/v1"
  },
  "size_t": 197,
  "size_x": 64,
  "size_y": 64,
  "size_z": 39,
  "snr": 4.770620812472793,
  "spacing_tr": 2.5,
  "spacing_x": 3.0,
  "spacing_y": 3.0,
  "spacing_z": 3.509999990463257,
  "summary_bg_k": 87.12055988830487,
  "summary_bg_mad": 12.56072635933204,
  "summary_bg_mean": 35.78071975708008,
  "summary_bg_median": 18.593908309936523,
  "summary_bg_n": 88203.0,
  "summary_bg_p05": 8.020304679870605,
  "summary_bg_p95": 111.8071060180664,
  "summary_bg_stdv": 63.28820037841797,
  "summary_fg_k": 2.4477300718849078,
  "summary_fg_mad": 115.4849760052588,
  "summary_fg_mean": 741.3610229492188,
  "summary_fg_median": 709.289306640625,
  "summary_fg_n": 35595.0,
  "summary_fg_p05": 571.1411193847656,
  "summary_fg_p95": 1040.8060302734373,
  "summary_fg_stdv": 148.67652893066406,
  "tsnr": 77.56203875178471
}