{
  "aor": 0.0009670202020202021,
  "aqi": 0.0034526335353535355,
  "bids_meta": {
    "CogAtlasID": "http://www.cognitiveatlas.org/term/id/trm_54e69c642d89b",
    "EchoTime": 0.03,
    "EffectiveEchoSpacing": 0.0005,
    "FlipAngle": 80,
    "Instructions": "Subjects were instructed to close their eyes during the scan.",
    "MagneticFieldStrength": 3,
    "Manufacturer": "Siemens",
    "ManufacturersModelName": "Verio",
    "PhaseEncodingDirection": "j-",
    "RepetitionTime": 2.5,
    "SliceTiming": [
      0,
      0.065,
      0.13,
      0.195,
      0.2575,
      0.3225,
      0.3875,
      0.4525,
      0.515,
      0.58,
      0.645,
      0.7075,
      0.7725,
      0.8375,
      0.9025,
      0.965,
      1.03,
      1.095,
      1.16,
      1.2225,
      1.2875,
      1.3525,
      1.4175,
      1.48,
      1.545,
      1.61,
      1.675,
      1.7375,
      1.8025,
      1.8675,
      1.9325,
      1.995,
      2.06,
      2.125,
      2.1875,
      2.2525,
      2.3175,
      2.3825,
      2.445
    ],
    "SoftwareVersions": "syngo_MR_B17",
    "TaskName": "rest",
    "TotalReadoutTime": 0.0315,
    "dataset": "ds000245",
    "modality": "bold",
    "subject_id": "ODN06",
    "task_id": "rest"
  },
  "dummy_trs": 0,
  "dvars_nstd": 16.366756913604053,
  "dvars_std": 1.1369341908121828,
  "dvars_vstd": 0.9737092301015228,
  "efc": 0.5779049026473818,
  "fber": 1474.2099609375,
  "fd_mean": 0.12982478660801203,
  "fd_num": 29,
  "fd_perc": 14.646464646464647,
  "fwhm_avg": 1.8898063169831396,
  "fwhm_x": 1.8167833333333334,
  "fwhm_y": 1.9827666666666666,
  "fwhm_z": 1.8698689509494189,
  "gcor": 0.157411,
  "gsr_x": -0.002007418777793646,
  "gsr_y": 0.03215394914150238,
  "provenance": {
    "md5sum": "14bb2ddda25c896474eb3d983449cfec",
    "settings": {
      "fd_thres": 0.2,
      "testing": false
    },
    "software": "mriqc",
    "version": "21.0.0rc2",
    "webapi_port": null,
    "webapi_url": "https://mriqc.nimh.nih.gov/api/v1"
  },
  "size_t": 198,
  "size_x": 64,
  "size_y": 64,
  "size_z": 39,
  "snr": 4.392885460006548,
  "spacing_tr": 2.5,
  "spacing_x": 3.0,
  "spacing_y": 3.0,
  "spacing_z": 3.509999990463257,
  "summary_bg_k": 31.024812108817315,
  "summary_bg_mad": 17.14726822553647,
  "summary_bg_mean": 56.29771423339844,
  "summary_bg_median": 21.92424201965332,
  "summary_bg_n": 83505.0,
  "summary_bg_p05": 8.237373352050781,
  "summary_bg_p95": 219.2444396972659,
  "summary_bg_stdv": 92.51670837402344,
  "summary_fg_k": 1.450775199525438,
  "summary_fg_mad": 147.94576611879097,
  "summary_fg_mean": 934.8294677734375,
  "summary_fg_median": 889.3838500976562,
  "summary_fg_n": 38925.0,
  "summary_fg_p05": 676.1252319335938,
  "summary_fg_p95": 1343.7061035156244,
  "summary_fg_stdv": 202.45745849609375,
  "tsnr": 85.22494047507644
}