{
  "aor": 0.0019277664974619289,
  "aqi": 0.006280270152284264,
  "bids_meta": {
    "CogAtlasID": "http://www.cognitiveatlas.org/term/id/trm_54e69c642d89b",
    "EchoTime": 0.03,
    "EffectiveEchoSpacing": 0.0005,
    "FlipAngle": 80,
    "Instructions": "Subjects were instructed to close their eyes during the scan.",
    "MagneticFieldStrength": 3,
    "Manufacturer": "Siemens",
    "ManufacturersModelName": "Verio",
    "PhaseEncodingDirection": "j-",
    "RepetitionTime": 2.5,
    "SliceTiming": [
      0,
      0.065,
      0.13,
      0.195,
      0.2575,
      0.3225,
      0.3875,
      0.4525,
      0.515,
      0.58,
      0.645,
      0.7075,
      0.7725,
      0.8375,
      0.9025,
      0.965,
      1.03,
      1.095,
      1.16,
      1.2225,
      1.2875,
      1.3525,
      1.4175,
      1.48,
      1.545,
      1.61,
      1.675,
      1.7375,
      1.8025,
      1.8675,
      1.9325,
      1.995,
      2.06,
      2.125,
      2.1875,
      2.2525,
      2.3175,
      2.3825,
      2.445
    ],
    "SoftwareVersions": "syngo_MR_B17",
    "TaskName": "rest",
    "TotalReadoutTime": 0.0315,
    "dataset": "ds000245",
    "modality": "bold",
    "subject_id": "ODP15",
    "task_id": "rest"
  },
  "dummy_trs": 1,
  "dvars_nstd": 28.479964752602044,
  "dvars_std": 1.167927821173469,
  "dvars_vstd": 0.9813058768877552,
  "efc": 0.5374550762486476,
  "fber": 1234.947998046875,
  "fd_mean": 0.42261515040453584,
  "fd_num": 175,
  "fd_perc": 88.83248730964468,
  "fwhm_avg": 1.9145350823995064,
  "fwhm_x": 1.83206,
  "fwhm_y": 2.0590466666666667,
  "fwhm_z": 1.8524985805318528,
  "gcor": 0.0654406,
  "gsr_x": -0.008810563944280148,
  "gsr_y": 0.027879491448402405,
  "provenance": {
    "md5sum": "99253bdef540dcb5d1b53015c4914f1b",
    "settings": {
      "fd_thres": 0.2,
      "testing": false
    },
    "software": "mriqc",
    "version": "21.0.0rc2",
    "webapi_port": null,
    "webapi_url": "https://mriqc.nimh.nih.gov/api/v1"
  },
  "size_t": 197,
  "size_x": 64,
  "size_y": 64,
  "size_z": 39,
  "snr": 3.83724168470446,
  "spacing_tr": 2.5,
  "spacing_x": 3.0,
  "spacing_y": 3.0,
  "spacing_z": 3.509999990463257,
  "summary_bg_k": 58.233153958043204,
  "summary_bg_mad": 10.739460690605682,
  "summary_bg_mean": 35.25285339355469,
  "summary_bg_median": 17.248729705810547,
  "summary_bg_n": 90653.0,
  "summary_bg_p05": 7.527918815612793,
  "summary_bg_p95": 113.5451736450195,
  "summary_bg_stdv": 65.56504821777344,
  "summary_fg_k": 1.330350883818693,
  "summary_fg_mad": 116.7756471138126,
  "summary_fg_mean": 664.8444213867188,
  "summary_fg_median": 626.776611328125,
  "summary_fg_n": 33288.0,
  "summary_fg_p05": 477.0037902832031,
  "summary_fg_p95": 1019.2154693603512,
  "summary_fg_stdv": 163.33795166015625,
  "tsnr": 58.693146471632645
}