{
  "aor": 0.0006924747474747476,
  "aqi": 0.005859556616161616,
  "bids_meta": {
    "CogAtlasID": "http://www.cognitiveatlas.org/term/id/trm_54e69c642d89b",
    "EchoTime": 0.03,
    "EffectiveEchoSpacing": 0.0005,
    "FlipAngle": 80,
    "Instructions": "Subjects were instructed to close their eyes during the scan.",
    "MagneticFieldStrength": 3,
    "Manufacturer": "Siemens",
    "ManufacturersModelName": "Verio",
    "PhaseEncodingDirection": "j-",
    "RepetitionTime": 2.5,
    "SliceTiming": [
      0,
      0.065,
      0.13,
      0.195,
      0.2575,
      0.3225,
      0.3875,
      0.4525,
      0.515,
      0.58,
      0.645,
      0.7075,
      0.7725,
      0.8375,
      0.9025,
      0.965,
      1.03,
      1.095,
      1.16,
      1.2225,
      1.2875,
      1.3525,
      1.4175,
      1.48,
      1.545,
      1.61,
      1.675,
      1.7375,
      1.8025,
      1.8675,
      1.9325,
      1.995,
      2.06,
      2.125,
      2.1875,
      2.2525,
      2.3175,
      2.3825,
      2.445
    ],
    "SoftwareVersions": "syngo_MR_B17",
    "TaskName": "rest",
    "TotalReadoutTime": 0.0315,
    "dataset": "ds000245",
    "modality": "bold",
    "subject_id": "ODN15",
    "task_id": "rest"
  },
  "dummy_trs": 0,
  "dvars_nstd": 31.288054839441617,
  "dvars_std": 1.1832911181218273,
  "dvars_vstd": 0.9811325809644674,
  "efc": 0.5663016991809035,
  "fber": 1303.6395263671875,
  "fd_mean": 0.324207676280673,
  "fd_num": 138,
  "fd_perc": 69.6969696969697,
  "fwhm_avg": 1.7914623567761891,
  "fwhm_x": 1.7345566666666665,
  "fwhm_y": 1.8726366666666667,
  "fwhm_z": 1.7671937369952344,
  "gcor": 0.035439,
  "gsr_x": 0.005574673414230347,
  "gsr_y": 0.013361086137592793,
  "provenance": {
    "md5sum": "2886bee10f1eb73328ab32edea62f43a",
    "settings": {
      "fd_thres": 0.2,
      "testing": false
    },
    "software": "mriqc",
    "version": "21.0.0rc2",
    "webapi_port": null,
    "webapi_url": "https://mriqc.nimh.nih.gov/api/v1"
  },
  "size_t": 198,
  "size_x": 64,
  "size_y": 64,
  "size_z": 39,
  "snr": 4.524659492643628,
  "spacing_tr": 2.5,
  "spacing_x": 3.0,
  "spacing_y": 3.0,
  "spacing_z": 3.509999990463257,
  "summary_bg_k": 42.65310541196242,
  "summary_bg_mad": 13.875059413349677,
  "summary_bg_mean": 43.54314041137695,
  "summary_bg_median": 19.015151977539062,
  "summary_bg_n": 86665.0,
  "summary_bg_p05": 8.112120819091796,
  "summary_bg_p95": 156.21616821289064,
  "summary_bg_stdv": 69.59929656982422,
  "summary_fg_k": 2.3654454501133797,
  "summary_fg_mad": 102.54668361025682,
  "summary_fg_mean": 736.2998657226562,
  "summary_fg_median": 698.9444580078125,
  "summary_fg_n": 37209.0,
  "summary_fg_p05": 561.6424438476563,
  "summary_fg_p95": 1074.0091064453122,
  "summary_fg_stdv": 154.472412109375,
  "tsnr": 72.03031504154205
}