{
  "aor": 0.0006363775510204082,
  "aqi": 0.0029059250510204086,
  "bids_meta": {
    "CogAtlasID": "http://www.cognitiveatlas.org/term/id/trm_54e69c642d89b",
    "EchoTime": 0.03,
    "EffectiveEchoSpacing": 0.0005,
    "FlipAngle": 80,
    "Instructions": "Subjects were instructed to close their eyes during the scan.",
    "MagneticFieldStrength": 3,
    "Manufacturer": "Siemens",
    "ManufacturersModelName": "Verio",
    "PhaseEncodingDirection": "j-",
    "RepetitionTime": 2.5,
    "SliceTiming": [
      0,
      0.065,
      0.13,
      0.195,
      0.2575,
      0.3225,
      0.3875,
      0.4525,
      0.515,
      0.58,
      0.645,
      0.7075,
      0.7725,
      0.8375,
      0.9025,
      0.965,
      1.03,
      1.095,
      1.16,
      1.2225,
      1.2875,
      1.3525,
      1.4175,
      1.48,
      1.545,
      1.61,
      1.675,
      1.7375,
      1.8025,
      1.8675,
      1.9325,
      1.995,
      2.06,
      2.125,
      2.1875,
      2.2525,
      2.3175,
      2.3825,
      2.445
    ],
    "SoftwareVersions": "syngo_MR_B17",
    "TaskName": "rest",
    "TotalReadoutTime": 0.0315,
    "dataset": "ds000245",
    "modality": "bold",
    "subject_id": "ODN08",
    "task_id": "rest"
  },
  "dummy_trs": 2,
  "dvars_nstd": 13.373914693641026,
  "dvars_std": 1.1131746434358971,
  "dvars_vstd": 0.968982073435898,
  "efc": 0.5175157426381812,
  "fber": 1311.4677734375,
  "fd_mean": 0.04284040843922368,
  "fd_num": 0,
  "fd_perc": 0.0,
  "fwhm_avg": 1.648190533240701,
  "fwhm_x": 1.6259933333333334,
  "fwhm_y": 1.7431366666666666,
  "fwhm_z": 1.575441599722103,
  "gcor": 0.0246551,
  "gsr_x": -0.006042985245585442,
  "gsr_y": 0.034099407494068146,
  "provenance": {
    "md5sum": "f4eb368dcadf6e8855adf34e6df0a5cc",
    "settings": {
      "fd_thres": 0.2,
      "testing": false
    },
    "software": "mriqc",
    "version": "21.0.0rc2",
    "webapi_port": null,
    "webapi_url": "https://mriqc.nimh.nih.gov/api/v1"
  },
  "size_t": 196,
  "size_x": 64,
  "size_y": 64,
  "size_z": 39,
  "snr": 4.846679866602949,
  "spacing_tr": 2.5,
  "spacing_x": 3.0,
  "spacing_y": 3.0,
  "spacing_z": 3.509999990463257,
  "summary_bg_k": 79.20428747753354,
  "summary_bg_mad": 13.532526065027065,
  "summary_bg_mean": 37.502357482910156,
  "summary_bg_median": 19.295917510986328,
  "summary_bg_n": 95813.0,
  "summary_bg_p05": 7.760203838348389,
  "summary_bg_p95": 116.3142852783202,
  "summary_bg_stdv": 70.09105682373047,
  "summary_fg_k": 2.1401807187878052,
  "summary_fg_mad": 123.81239721851429,
  "summary_fg_mean": 739.6871337890625,
  "summary_fg_median": 714.1836547851562,
  "summary_fg_n": 29311.0,
  "summary_fg_p05": 556.4923095703125,
  "summary_fg_p95": 1019.3418273925781,
  "summary_fg_stdv": 147.35272216796875,
  "tsnr": 98.76037636958063
}