{
  "aor": 0.0009317171717171719,
  "aqi": 0.005241352222222223,
  "bids_meta": {
    "CogAtlasID": "http://www.cognitiveatlas.org/term/id/trm_54e69c642d89b",
    "EchoTime": 0.03,
    "EffectiveEchoSpacing": 0.0005,
    "FlipAngle": 80,
    "Instructions": "Subjects were instructed to close their eyes during the scan.",
    "MagneticFieldStrength": 3,
    "Manufacturer": "Siemens",
    "ManufacturersModelName": "Verio",
    "PhaseEncodingDirection": "j-",
    "RepetitionTime": 2.5,
    "SliceTiming": [
      0,
      0.065,
      0.13,
      0.195,
      0.2575,
      0.3225,
      0.3875,
      0.4525,
      0.515,
      0.58,
      0.645,
      0.7075,
      0.7725,
      0.8375,
      0.9025,
      0.965,
      1.03,
      1.095,
      1.16,
      1.2225,
      1.2875,
      1.3525,
      1.4175,
      1.48,
      1.545,
      1.61,
      1.675,
      1.7375,
      1.8025,
      1.8675,
      1.9325,
      1.995,
      2.06,
      2.125,
      2.1875,
      2.2525,
      2.3175,
      2.3825,
      2.445
    ],
    "SoftwareVersions": "syngo_MR_B17",
    "TaskName": "rest",
    "TotalReadoutTime": 0.0315,
    "dataset": "ds000245",
    "modality": "bold",
    "subject_id": "ODP07",
    "task_id": "rest"
  },
  "dummy_trs": 0,
  "dvars_nstd": 25.60717498482233,
  "dvars_std": 1.1616214960406095,
  "dvars_vstd": 0.9878156722335026,
  "efc": 0.597225051377513,
  "fber": 620.1358642578125,
  "fd_mean": 0.2544995811105085,
  "fd_num": 136,
  "fd_perc": 68.68686868686869,
  "fwhm_avg": 1.7796514830354162,
  "fwhm_x": 1.7254766666666665,
  "fwhm_y": 1.8977000000000002,
  "fwhm_z": 1.715777782439582,
  "gcor": 0.0612388,
  "gsr_x": 0.013391854241490364,
  "gsr_y": 0.028000902384519577,
  "provenance": {
    "md5sum": "4f38ce887f9d46416202efb2f8b2ec21",
    "settings": {
      "fd_thres": 0.2,
      "testing": false
    },
    "software": "mriqc",
    "version": "21.0.0rc2",
    "webapi_port": null,
    "webapi_url": "https://mriqc.nimh.nih.gov/api/v1"
  },
  "size_t": 198,
  "size_x": 64,
  "size_y": 64,
  "size_z": 39,
  "snr": 4.572816114243437,
  "spacing_tr": 2.5,
  "spacing_x": 3.0,
  "spacing_y": 3.0,
  "spacing_z": 3.509999990463257,
  "summary_bg_k": 17.076756557574846,
  "summary_bg_mad": 24.46293801926209,
  "summary_bg_mean": 64.06623840332031,
  "summary_bg_median": 28.717172622680664,
  "summary_bg_n": 85257.0,
  "summary_bg_p05": 10.307070541381837,
  "summary_bg_p95": 240.56464843749995,
  "summary_bg_stdv": 87.41545867919922,
  "summary_fg_k": 1.634977958762832,
  "summary_fg_mad": 125.14881145581899,
  "summary_fg_mean": 761.2593994140625,
  "summary_fg_median": 734.2979736328125,
  "summary_fg_n": 37980.0,
  "summary_fg_p05": 544.2739837646484,
  "summary_fg_p95": 1075.8656677246092,
  "summary_fg_stdv": 160.5768280029297,
  "tsnr": 68.31159879779443
}