{
  "aor": 0.0040867676767676765,
  "aqi": 0.012451448232323234,
  "bids_meta": {
    "CogAtlasID": "http://www.cognitiveatlas.org/term/id/trm_54e69c642d89b",
    "EchoTime": 0.03,
    "EffectiveEchoSpacing": 0.0005,
    "FlipAngle": 80,
    "Instructions": "Subjects were instructed to close their eyes during the scan.",
    "MagneticFieldStrength": 3,
    "Manufacturer": "Siemens",
    "ManufacturersModelName": "Verio",
    "PhaseEncodingDirection": "j-",
    "RepetitionTime": 2.5,
    "SliceTiming": [
      0,
      0.065,
      0.13,
      0.195,
      0.2575,
      0.3225,
      0.3875,
      0.4525,
      0.515,
      0.58,
      0.645,
      0.7075,
      0.7725,
      0.8375,
      0.9025,
      0.965,
      1.03,
      1.095,
      1.16,
      1.2225,
      1.2875,
      1.3525,
      1.4175,
      1.48,
      1.545,
      1.61,
      1.675,
      1.7375,
      1.8025,
      1.8675,
      1.9325,
      1.995,
      2.06,
      2.125,
      2.1875,
      2.2525,
      2.3175,
      2.3825,
      2.445
    ],
    "SoftwareVersions": "syngo_MR_B17",
    "TaskName": "rest",
    "TotalReadoutTime": 0.0315,
    "dataset": "ds000245",
    "modality": "bold",
    "subject_id": "CTL06",
    "task_id": "rest"
  },
  "dummy_trs": 0,
  "dvars_nstd": 24.46984628015228,
  "dvars_std": 1.3515873383248735,
  "dvars_vstd": 0.9875817470050764,
  "efc": 0.5174318760981934,
  "fber": 2065.302490234375,
  "fd_mean": 0.2235007549985447,
  "fd_num": 85,
  "fd_perc": 42.92929292929293,
  "fwhm_avg": 1.7174212076141069,
  "fwhm_x": 1.6176766666666669,
  "fwhm_y": 1.8383533333333333,
  "fwhm_z": 1.6962336228423203,
  "gcor": 0.0373483,
  "gsr_x": -0.010839726775884628,
  "gsr_y": 0.035591304302215576,
  "provenance": {
    "md5sum": "0dd166b5df5658f3e5fef30d32411f78",
    "settings": {
      "fd_thres": 0.2,
      "testing": false
    },
    "software": "mriqc",
    "version": "21.0.0rc2",
    "webapi_port": null,
    "webapi_url": "https://mriqc.nimh.nih.gov/api/v1"
  },
  "size_t": 198,
  "size_x": 64,
  "size_y": 64,
  "size_z": 39,
  "snr": 5.283222837149102,
  "spacing_tr": 2.5,
  "spacing_x": 3.0,
  "spacing_y": 3.0,
  "spacing_z": 3.509999990463257,
  "summary_bg_k": 76.93075084556335,
  "summary_bg_mad": 9.71179419141396,
  "summary_bg_mean": 35.30368423461914,
  "summary_bg_median": 16.712121963500977,
  "summary_bg_n": 94569.0,
  "summary_bg_p05": 8.439393997192383,
  "summary_bg_p95": 110.3343460083007,
  "summary_bg_stdv": 65.93778228759766,
  "summary_fg_k": 2.6771042115965864,
  "summary_fg_mad": 100.27780632604106,
  "summary_fg_mean": 798.6534423828125,
  "summary_fg_median": 767.8585815429688,
  "summary_fg_n": 31353.0,
  "summary_fg_p05": 633.6626342773437,
  "summary_fg_p95": 1107.184838867187,
  "summary_fg_stdv": 145.33673095703125,
  "tsnr": 60.62952234479599
}