{
  "aor": 0.0005573604060913705,
  "aqi": 0.0045634287817258885,
  "bids_meta": {
    "CogAtlasID": "http://www.cognitiveatlas.org/term/id/trm_54e69c642d89b",
    "EchoTime": 0.03,
    "EffectiveEchoSpacing": 0.0005,
    "FlipAngle": 80,
    "Instructions": "Subjects were instructed to close their eyes during the scan.",
    "MagneticFieldStrength": 3,
    "Manufacturer": "Siemens",
    "ManufacturersModelName": "Verio",
    "PhaseEncodingDirection": "j-",
    "RepetitionTime": 2.5,
    "SliceTiming": [
      0,
      0.065,
      0.13,
      0.195,
      0.2575,
      0.3225,
      0.3875,
      0.4525,
      0.515,
      0.58,
      0.645,
      0.7075,
      0.7725,
      0.8375,
      0.9025,
      0.965,
      1.03,
      1.095,
      1.16,
      1.2225,
      1.2875,
      1.3525,
      1.4175,
      1.48,
      1.545,
      1.61,
      1.675,
      1.7375,
      1.8025,
      1.8675,
      1.9325,
      1.995,
      2.06,
      2.125,
      2.1875,
      2.2525,
      2.3175,
      2.3825,
      2.445
    ],
    "SoftwareVersions": "syngo_MR_B17",
    "TaskName": "rest",
    "TotalReadoutTime": 0.0315,
    "dataset": "ds000245",
    "modality": "bold",
    "subject_id": "ODP14",
    "task_id": "rest"
  },
  "dummy_trs": 1,
  "dvars_nstd": 19.907395771836743,
  "dvars_std": 1.243279548520408,
  "dvars_vstd": 0.9794771965816332,
  "efc": 0.5195526034318538,
  "fber": 1540.6650390625,
  "fd_mean": 0.19063919805008436,
  "fd_num": 90,
  "fd_perc": 45.68527918781726,
  "fwhm_avg": 1.7518085769973106,
  "fwhm_x": 1.6776066666666667,
  "fwhm_y": 1.9229900000000002,
  "fwhm_z": 1.6548290643252648,
  "gcor": 0.021605,
  "gsr_x": -0.012757740914821625,
  "gsr_y": 0.017643576487898827,
  "provenance": {
    "md5sum": "33af508483ec5b4ccfdf6ad1c8aa6734",
    "settings": {
      "fd_thres": 0.2,
      "testing": false
    },
    "software": "mriqc",
    "version": "21.0.0rc2",
    "webapi_port": null,
    "webapi_url": "https://mriqc.nimh.nih.gov/api/v1"
  },
  "size_t": 197,
  "size_x": 64,
  "size_y": 64,
  "size_z": 39,
  "snr": 4.753046727853518,
  "spacing_tr": 2.5,
  "spacing_x": 3.0,
  "spacing_y": 3.0,
  "spacing_z": 3.509999990463257,
  "summary_bg_k": 49.971153795528586,
  "summary_bg_mad": 9.151493179242875,
  "summary_bg_mean": 33.948299407958984,
  "summary_bg_median": 15.299491882324219,
  "summary_bg_n": 95999.0,
  "summary_bg_p05": 7.761421203613281,
  "summary_bg_p95": 116.84822006225536,
  "summary_bg_stdv": 57.677215576171875,
  "summary_fg_k": 3.391637938837037,
  "summary_fg_mad": 93.68238013611304,
  "summary_fg_mean": 644.1199340820312,
  "summary_fg_median": 615.3502197265625,
  "summary_fg_n": 29013.0,
  "summary_fg_p05": 498.0182678222656,
  "summary_fg_p95": 911.2487060546873,
  "summary_fg_stdv": 129.46214294433594,
  "tsnr": 87.93058457737789
}