{
  "aor": 0.007998010204081632,
  "aqi": 0.012257432397959183,
  "bids_meta": {
    "CogAtlasID": "http://www.cognitiveatlas.org/term/id/trm_54e69c642d89b",
    "EchoTime": 0.03,
    "EffectiveEchoSpacing": 0.0005,
    "FlipAngle": 80,
    "Instructions": "Subjects were instructed to close their eyes during the scan.",
    "MagneticFieldStrength": 3,
    "Manufacturer": "Siemens",
    "ManufacturersModelName": "Verio",
    "PhaseEncodingDirection": "j-",
    "RepetitionTime": 2.5,
    "SliceTiming": [
      0,
      0.065,
      0.13,
      0.195,
      0.2575,
      0.3225,
      0.3875,
      0.4525,
      0.515,
      0.58,
      0.645,
      0.7075,
      0.7725,
      0.8375,
      0.9025,
      0.965,
      1.03,
      1.095,
      1.16,
      1.2225,
      1.2875,
      1.3525,
      1.4175,
      1.48,
      1.545,
      1.61,
      1.675,
      1.7375,
      1.8025,
      1.8675,
      1.9325,
      1.995,
      2.06,
      2.125,
      2.1875,
      2.2525,
      2.3175,
      2.3825,
      2.445
    ],
    "SoftwareVersions": "syngo_MR_B17",
    "TaskName": "rest",
    "TotalReadoutTime": 0.0315,
    "dataset": "ds000245",
    "modality": "bold",
    "subject_id": "ODN12",
    "task_id": "rest"
  },
  "dummy_trs": 2,
  "dvars_nstd": 20.105051373230765,
  "dvars_std": 1.0974755957435895,
  "dvars_vstd": 0.97648300451282,
  "efc": 0.6021019034234767,
  "fber": 854.9081420898438,
  "fd_mean": 0.2302111421597918,
  "fd_num": 78,
  "fd_perc": 39.795918367346935,
  "fwhm_avg": 1.8390482542289692,
  "fwhm_x": 1.76711,
  "fwhm_y": 1.9642,
  "fwhm_z": 1.785834762686908,
  "gcor": 0.03084,
  "gsr_x": 0.012310565449297428,
  "gsr_y": 0.03200391307473183,
  "provenance": {
    "md5sum": "0bd566366998ea7ddcc4fc7265b45416",
    "settings": {
      "fd_thres": 0.2,
      "testing": false
    },
    "software": "mriqc",
    "version": "21.0.0rc2",
    "webapi_port": null,
    "webapi_url": "https://mriqc.nimh.nih.gov/api/v1"
  },
  "size_t": 196,
  "size_x": 64,
  "size_y": 64,
  "size_z": 39,
  "snr": 5.5571430643062065,
  "spacing_tr": 2.5,
  "spacing_x": 3.0,
  "spacing_y": 3.0,
  "spacing_z": 3.509999990463257,
  "summary_bg_k": 26.026311154881295,
  "summary_bg_mad": 17.43948724285635,
  "summary_bg_mean": 51.27415084838867,
  "summary_bg_median": 22.334182739257812,
  "summary_bg_n": 82248.0,
  "summary_bg_p05": 8.316326141357422,
  "summary_bg_p95": 198.35612182617152,
  "summary_bg_stdv": 77.10484313964844,
  "summary_fg_k": 3.7112807047403935,
  "summary_fg_mad": 89.25113330762177,
  "summary_fg_mean": 692.6270751953125,
  "summary_fg_median": 678.8673095703125,
  "summary_fg_n": 40060.0,
  "summary_fg_p05": 521.2084014892578,
  "summary_fg_p95": 903.0640228271482,
  "summary_fg_stdv": 122.15968322753906,
  "tsnr": 57.23635907401331
}