{
  "aor": 0.0005267171717171717,
  "aqi": 0.005617213686868688,
  "bids_meta": {
    "CogAtlasID": "http://www.cognitiveatlas.org/term/id/trm_54e69c642d89b",
    "EchoTime": 0.03,
    "EffectiveEchoSpacing": 0.0005,
    "FlipAngle": 80,
    "Instructions": "Subjects were instructed to close their eyes during the scan.",
    "MagneticFieldStrength": 3,
    "Manufacturer": "Siemens",
    "ManufacturersModelName": "Verio",
    "PhaseEncodingDirection": "j-",
    "RepetitionTime": 2.5,
    "SliceTiming": [
      0,
      0.065,
      0.13,
      0.195,
      0.2575,
      0.3225,
      0.3875,
      0.4525,
      0.515,
      0.58,
      0.645,
      0.7075,
      0.7725,
      0.8375,
      0.9025,
      0.965,
      1.03,
      1.095,
      1.16,
      1.2225,
      1.2875,
      1.3525,
      1.4175,
      1.48,
      1.545,
      1.61,
      1.675,
      1.7375,
      1.8025,
      1.8675,
      1.9325,
      1.995,
      2.06,
      2.125,
      2.1875,
      2.2525,
      2.3175,
      2.3825,
      2.445
    ],
    "SoftwareVersions": "syngo_MR_B17",
    "TaskName": "rest",
    "TotalReadoutTime": 0.0315,
    "dataset": "ds000245",
    "modality": "bold",
    "subject_id": "CTL13",
    "task_id": "rest"
  },
  "dummy_trs": 0,
  "dvars_nstd": 28.52038938284265,
  "dvars_std": 1.2349885391878173,
  "dvars_vstd": 0.9803857213705586,
  "efc": 0.5470854531914988,
  "fber": 1395.0418701171875,
  "fd_mean": 0.2690261837585892,
  "fd_num": 157,
  "fd_perc": 79.29292929292929,
  "fwhm_avg": 1.780895129703368,
  "fwhm_x": 1.7611299999999999,
  "fwhm_y": 1.9272733333333332,
  "fwhm_z": 1.6542820557767701,
  "gcor": 0.0675246,
  "gsr_x": -0.00032389574334956706,
  "gsr_y": 0.030009711161255836,
  "provenance": {
    "md5sum": "1d46b35d118c38dc0ec9549f1fb65b65",
    "settings": {
      "fd_thres": 0.2,
      "testing": false
    },
    "software": "mriqc",
    "version": "21.0.0rc2",
    "webapi_port": null,
    "webapi_url": "https://mriqc.nimh.nih.gov/api/v1"
  },
  "size_t": 198,
  "size_x": 64,
  "size_y": 64,
  "size_z": 39,
  "snr": 5.110632298163835,
  "spacing_tr": 2.5,
  "spacing_x": 3.0,
  "spacing_y": 3.0,
  "spacing_z": 3.509999990463257,
  "summary_bg_k": 46.76417682169592,
  "summary_bg_mad": 14.75863194635285,
  "summary_bg_mean": 43.720069885253906,
  "summary_bg_median": 20.15151596069336,
  "summary_bg_n": 90692.0,
  "summary_bg_p05": 8.1010103225708,
  "summary_bg_p95": 151.22626953124995,
  "summary_bg_stdv": 70.619140625,
  "summary_fg_k": 2.447005627189373,
  "summary_fg_mad": 115.48569993212331,
  "summary_fg_mean": 797.23388671875,
  "summary_fg_median": 772.2222290039062,
  "summary_fg_n": 33557.0,
  "summary_fg_p05": 605.5171630859376,
  "summary_fg_p95": 1097.1212158203125,
  "summary_fg_stdv": 151.09886169433594,
  "tsnr": 75.8335488322191
}