{
  "aor": 0.001958131313131313,
  "aqi": 0.006998626666666667,
  "bids_meta": {
    "CogAtlasID": "http://www.cognitiveatlas.org/term/id/trm_54e69c642d89b",
    "EchoTime": 0.03,
    "EffectiveEchoSpacing": 0.0005,
    "FlipAngle": 80,
    "Instructions": "Subjects were instructed to close their eyes during the scan.",
    "MagneticFieldStrength": 3,
    "Manufacturer": "Siemens",
    "ManufacturersModelName": "Verio",
    "PhaseEncodingDirection": "j-",
    "RepetitionTime": 2.5,
    "SliceTiming": [
      0,
      0.065,
      0.13,
      0.195,
      0.2575,
      0.3225,
      0.3875,
      0.4525,
      0.515,
      0.58,
      0.645,
      0.7075,
      0.7725,
      0.8375,
      0.9025,
      0.965,
      1.03,
      1.095,
      1.16,
      1.2225,
      1.2875,
      1.3525,
      1.4175,
      1.48,
      1.545,
      1.61,
      1.675,
      1.7375,
      1.8025,
      1.8675,
      1.9325,
      1.995,
      2.06,
      2.125,
      2.1875,
      2.2525,
      2.3175,
      2.3825,
      2.445
    ],
    "SoftwareVersions": "syngo_MR_B17",
    "TaskName": "rest",
    "TotalReadoutTime": 0.0315,
    "dataset": "ds000245",
    "modality": "bold",
    "subject_id": "ODN05",
    "task_id": "rest"
  },
  "dummy_trs": 0,
  "dvars_nstd": 17.280716169695435,
  "dvars_std": 1.2119788468020305,
  "dvars_vstd": 0.9649309678172587,
  "efc": 0.5206400644032454,
  "fber": 2123.77392578125,
  "fd_mean": 0.09315092888118927,
  "fd_num": 10,
  "fd_perc": 5.05050505050505,
  "fwhm_avg": 1.8057755001622926,
  "fwhm_x": 1.7102766666666664,
  "fwhm_y": 1.9549899999999998,
  "fwhm_z": 1.752059833820212,
  "gcor": 0.0858175,
  "gsr_x": -0.009064610116183758,
  "gsr_y": 0.03361757844686508,
  "provenance": {
    "md5sum": "2d92eed4ebf647b735a0729a65bb417a",
    "settings": {
      "fd_thres": 0.2,
      "testing": false
    },
    "software": "mriqc",
    "version": "21.0.0rc2",
    "webapi_port": null,
    "webapi_url": "https://mriqc.nimh.nih.gov/api/v1"
  },
  "size_t": 198,
  "size_x": 64,
  "size_y": 64,
  "size_z": 39,
  "snr": 4.7855826034345315,
  "spacing_tr": 2.5,
  "spacing_x": 3.0,
  "spacing_y": 3.0,
  "spacing_z": 3.509999990463257,
  "summary_bg_k": 71.37873910189013,
  "summary_bg_mad": 9.060347676378488,
  "summary_bg_mean": 35.07796096801758,
  "summary_bg_median": 15.782828330993652,
  "summary_bg_n": 93751.0,
  "summary_bg_p05": 7.9242424964904785,
  "summary_bg_p95": 114.28282928466797,
  "summary_bg_stdv": 68.1948471069336,
  "summary_fg_k": 2.676838412725929,
  "summary_fg_mad": 109.0985836974565,
  "summary_fg_mean": 765.5845947265625,
  "summary_fg_median": 734.257568359375,
  "summary_fg_n": 31507.0,
  "summary_fg_p05": 591.3984802246093,
  "summary_fg_p95": 1095.538842773437,
  "summary_fg_stdv": 153.42874145507812,
  "tsnr": 75.14542020857334
}