{
  "aor": 0.0023676767676767676,
  "aqi": 0.006937761515151517,
  "bids_meta": {
    "CogAtlasID": "http://www.cognitiveatlas.org/term/id/trm_54e69c642d89b",
    "EchoTime": 0.03,
    "EffectiveEchoSpacing": 0.0005,
    "FlipAngle": 80,
    "Instructions": "Subjects were instructed to close their eyes during the scan.",
    "MagneticFieldStrength": 3,
    "Manufacturer": "Siemens",
    "ManufacturersModelName": "Verio",
    "PhaseEncodingDirection": "j-",
    "RepetitionTime": 2.5,
    "SliceTiming": [
      0,
      0.065,
      0.13,
      0.195,
      0.2575,
      0.3225,
      0.3875,
      0.4525,
      0.515,
      0.58,
      0.645,
      0.7075,
      0.7725,
      0.8375,
      0.9025,
      0.965,
      1.03,
      1.095,
      1.16,
      1.2225,
      1.2875,
      1.3525,
      1.4175,
      1.48,
      1.545,
      1.61,
      1.675,
      1.7375,
      1.8025,
      1.8675,
      1.9325,
      1.995,
      2.06,
      2.125,
      2.1875,
      2.2525,
      2.3175,
      2.3825,
      2.445
    ],
    "SoftwareVersions": "syngo_MR_B17",
    "TaskName": "rest",
    "TotalReadoutTime": 0.0315,
    "dataset": "ds000245",
    "modality": "bold",
    "subject_id": "ODP04",
    "task_id": "rest"
  },
  "dummy_trs": 0,
  "dvars_nstd": 24.959694847918783,
  "dvars_std": 1.220772285532995,
  "dvars_vstd": 0.9977484159390858,
  "efc": 0.5595506211513347,
  "fber": 1338.2393798828125,
  "fd_mean": 0.26213354566956026,
  "fd_num": 140,
  "fd_perc": 70.70707070707071,
  "fwhm_avg": 1.7472029169812844,
  "fwhm_x": 1.6976066666666665,
  "fwhm_y": 1.8858966666666666,
  "fwhm_z": 1.65810541761052,
  "gcor": 0.0862678,
  "gsr_x": -0.014799094758927822,
  "gsr_y": 0.022880928590893745,
  "provenance": {
    "md5sum": "f44124258dd3ea1d2e407cf2e0d3c4e5",
    "settings": {
      "fd_thres": 0.2,
      "testing": false
    },
    "software": "mriqc",
    "version": "21.0.0rc2",
    "webapi_port": null,
    "webapi_url": "https://mriqc.nimh.nih.gov/api/v1"
  },
  "size_t": 198,
  "size_x": 64,
  "size_y": 64,
  "size_z": 39,
  "snr": 4.807807696705108,
  "spacing_tr": 2.5,
  "spacing_x": 3.0,
  "spacing_y": 3.0,
  "spacing_z": 3.509999990463257,
  "summary_bg_k": 80.97627747728517,
  "summary_bg_mad": 13.672885869400856,
  "summary_bg_mean": 39.5222282409668,
  "summary_bg_median": 18.70707130432129,
  "summary_bg_n": 86815.0,
  "summary_bg_p05": 7.904040336608887,
  "summary_bg_p95": 128.47929229736332,
  "summary_bg_stdv": 64.05281066894531,
  "summary_fg_k": 2.831532840828457,
  "summary_fg_mad": 114.22778651418835,
  "summary_fg_mean": 733.6226806640625,
  "summary_fg_median": 707.0252685546875,
  "summary_fg_n": 36190.0,
  "summary_fg_p05": 552.9108642578125,
  "summary_fg_p95": 1016.0997406005858,
  "summary_fg_stdv": 147.05569458007812,
  "tsnr": 66.36249751667492
}