{
  "aor": 0.010104314720812182,
  "aqi": 0.007330684670050761,
  "bids_meta": {
    "CogAtlasID": "http://www.cognitiveatlas.org/term/id/trm_54e69c642d89b",
    "EchoTime": 0.03,
    "EffectiveEchoSpacing": 0.0005,
    "FlipAngle": 80,
    "Instructions": "Subjects were instructed to close their eyes during the scan.",
    "MagneticFieldStrength": 3,
    "Manufacturer": "Siemens",
    "ManufacturersModelName": "Verio",
    "PhaseEncodingDirection": "j-",
    "RepetitionTime": 2.5,
    "SliceTiming": [
      0,
      0.065,
      0.13,
      0.195,
      0.2575,
      0.3225,
      0.3875,
      0.4525,
      0.515,
      0.58,
      0.645,
      0.7075,
      0.7725,
      0.8375,
      0.9025,
      0.965,
      1.03,
      1.095,
      1.16,
      1.2225,
      1.2875,
      1.3525,
      1.4175,
      1.48,
      1.545,
      1.61,
      1.675,
      1.7375,
      1.8025,
      1.8675,
      1.9325,
      1.995,
      2.06,
      2.125,
      2.1875,
      2.2525,
      2.3175,
      2.3825,
      2.445
    ],
    "SoftwareVersions": "syngo_MR_B17",
    "TaskName": "rest",
    "TotalReadoutTime": 0.0315,
    "dataset": "ds000245",
    "modality": "bold",
    "subject_id": "ODP09",
    "task_id": "rest"
  },
  "dummy_trs": 1,
  "dvars_nstd": 14.139401114846944,
  "dvars_std": 1.0969868306632655,
  "dvars_vstd": 1.042296364591837,
  "efc": 0.5508012252485983,
  "fber": 1860.8929443359375,
  "fd_mean": 0.12730343650401027,
  "fd_num": 16,
  "fd_perc": 8.121827411167512,
  "fwhm_avg": 1.856876630294512,
  "fwhm_x": 1.86058,
  "fwhm_y": 1.9273433333333332,
  "fwhm_z": 1.7827065575502035,
  "gcor": 0.0603923,
  "gsr_x": -0.00034903778578154743,
  "gsr_y": 0.0292990542948246,
  "provenance": {
    "md5sum": "3bd9e4a9fe66d8e694d1387f9dfc10f8",
    "settings": {
      "fd_thres": 0.2,
      "testing": false
    },
    "software": "mriqc",
    "version": "21.0.0rc2",
    "webapi_port": null,
    "webapi_url": "https://mriqc.nimh.nih.gov/api/v1"
  },
  "size_t": 197,
  "size_x": 64,
  "size_y": 64,
  "size_z": 39,
  "snr": 4.3465261353205396,
  "spacing_tr": 2.5,
  "spacing_x": 3.0,
  "spacing_y": 3.0,
  "spacing_z": 3.509999990463257,
  "summary_bg_k": 51.811754563284566,
  "summary_bg_mad": 10.588940459574996,
  "summary_bg_mean": 38.420570373535156,
  "summary_bg_median": 17.426395416259766,
  "summary_bg_n": 87233.0,
  "summary_bg_p05": 7.934010028839111,
  "summary_bg_p95": 132.96852416992166,
  "summary_bg_stdv": 65.99465942382812,
  "summary_fg_k": 1.092862587690007,
  "summary_fg_mad": 139.7710029830879,
  "summary_fg_mean": 807.2294921875,
  "summary_fg_median": 767.9390869140625,
  "summary_fg_n": 36225.0,
  "summary_fg_p05": 593.0680053710937,
  "summary_fg_p95": 1171.9228515624998,
  "summary_fg_stdv": 176.67637634277344,
  "tsnr": 62.382606300059706
}