{
  "aor": 0.0012335353535353536,
  "aqi": 0.0036510858080808077,
  "bids_meta": {
    "CogAtlasID": "http://www.cognitiveatlas.org/term/id/trm_54e69c642d89b",
    "EchoTime": 0.03,
    "EffectiveEchoSpacing": 0.0005,
    "FlipAngle": 80,
    "Instructions": "Subjects were instructed to close their eyes during the scan.",
    "MagneticFieldStrength": 3,
    "Manufacturer": "Siemens",
    "ManufacturersModelName": "Verio",
    "PhaseEncodingDirection": "j-",
    "RepetitionTime": 2.5,
    "SliceTiming": [
      0,
      0.065,
      0.13,
      0.195,
      0.2575,
      0.3225,
      0.3875,
      0.4525,
      0.515,
      0.58,
      0.645,
      0.7075,
      0.7725,
      0.8375,
      0.9025,
      0.965,
      1.03,
      1.095,
      1.16,
      1.2225,
      1.2875,
      1.3525,
      1.4175,
      1.48,
      1.545,
      1.61,
      1.675,
      1.7375,
      1.8025,
      1.8675,
      1.9325,
      1.995,
      2.06,
      2.125,
      2.1875,
      2.2525,
      2.3175,
      2.3825,
      2.445
    ],
    "SoftwareVersions": "syngo_MR_B17",
    "TaskName": "rest",
    "TotalReadoutTime": 0.0315,
    "dataset": "ds000245",
    "modality": "bold",
    "subject_id": "ODP06",
    "task_id": "rest"
  },
  "dummy_trs": 0,
  "dvars_nstd": 22.008952930203044,
  "dvars_std": 1.2429524549238578,
  "dvars_vstd": 0.9996411437563445,
  "efc": 0.5861761827981393,
  "fber": 1119.59716796875,
  "fd_mean": 0.1129317950745239,
  "fd_num": 22,
  "fd_perc": 11.11111111111111,
  "fwhm_avg": 1.8617054527376748,
  "fwhm_x": 1.8091366666666666,
  "fwhm_y": 1.9590366666666668,
  "fwhm_z": 1.8169430248796918,
  "gcor": 0.174088,
  "gsr_x": -0.0029132026247680187,
  "gsr_y": 0.041267767548561096,
  "provenance": {
    "md5sum": "eb9f648968dc39b78a9cdb66f60921dd",
    "settings": {
      "fd_thres": 0.2,
      "testing": false
    },
    "software": "mriqc",
    "version": "21.0.0rc2",
    "webapi_port": null,
    "webapi_url": "https://mriqc.nimh.nih.gov/api/v1"
  },
  "size_t": 198,
  "size_x": 64,
  "size_y": 64,
  "size_z": 39,
  "snr": 4.343875488114982,
  "spacing_tr": 2.5,
  "spacing_x": 3.0,
  "spacing_y": 3.0,
  "spacing_z": 3.509999990463257,
  "summary_bg_k": 39.03930084806494,
  "summary_bg_mad": 13.57554598451812,
  "summary_bg_mean": 41.9890022277832,
  "summary_bg_median": 18.646465301513672,
  "summary_bg_n": 82436.0,
  "summary_bg_p05": 7.469696998596191,
  "summary_bg_p95": 147.66288375854492,
  "summary_bg_stdv": 67.33246612548828,
  "summary_fg_k": 1.9335019665841457,
  "summary_fg_mad": 113.49024077554516,
  "summary_fg_mean": 683.4085083007812,
  "summary_fg_median": 650.4217529296875,
  "summary_fg_n": 40028.0,
  "summary_fg_p05": 510.63155975341795,
  "summary_fg_p95": 1009.7775390625001,
  "summary_fg_stdv": 149.73118591308594,
  "tsnr": 76.35680575156584
}