{
  "aor": 0.0028383163265306125,
  "aqi": 0.011150981734693878,
  "bids_meta": {
    "CogAtlasID": "http://www.cognitiveatlas.org/term/id/trm_54e69c642d89b",
    "EchoTime": 0.03,
    "EffectiveEchoSpacing": 0.0005,
    "FlipAngle": 80,
    "Instructions": "Subjects were instructed to close their eyes during the scan.",
    "MagneticFieldStrength": 3,
    "Manufacturer": "Siemens",
    "ManufacturersModelName": "Verio",
    "PhaseEncodingDirection": "j-",
    "RepetitionTime": 2.5,
    "SliceTiming": [
      0,
      0.065,
      0.13,
      0.195,
      0.2575,
      0.3225,
      0.3875,
      0.4525,
      0.515,
      0.58,
      0.645,
      0.7075,
      0.7725,
      0.8375,
      0.9025,
      0.965,
      1.03,
      1.095,
      1.16,
      1.2225,
      1.2875,
      1.3525,
      1.4175,
      1.48,
      1.545,
      1.61,
      1.675,
      1.7375,
      1.8025,
      1.8675,
      1.9325,
      1.995,
      2.06,
      2.125,
      2.1875,
      2.2525,
      2.3175,
      2.3825,
      2.445
    ],
    "SoftwareVersions": "syngo_MR_B17",
    "TaskName": "rest",
    "TotalReadoutTime": 0.0315,
    "dataset": "ds000245",
    "modality": "bold",
    "subject_id": "CTL07",
    "task_id": "rest"
  },
  "dummy_trs": 2,
  "dvars_nstd": 26.337683310923072,
  "dvars_std": 1.1861259914358981,
  "dvars_vstd": 0.9481580248205125,
  "efc": 0.5076185222483417,
  "fber": 1776.2247314453125,
  "fd_mean": 0.3539566378071496,
  "fd_num": 142,
  "fd_perc": 72.44897959183673,
  "fwhm_avg": 1.863035908559584,
  "fwhm_x": 1.8213666666666668,
  "fwhm_y": 1.9712766666666666,
  "fwhm_z": 1.7964643923454184,
  "gcor": 0.0620511,
  "gsr_x": -0.009252909570932388,
  "gsr_y": 0.024786503985524178,
  "provenance": {
    "md5sum": "6567f50b2ac8bf8fd8861f7064312401",
    "settings": {
      "fd_thres": 0.2,
      "testing": false
    },
    "software": "mriqc",
    "version": "21.0.0rc2",
    "webapi_port": null,
    "webapi_url": "https://mriqc.nimh.nih.gov/api/v1"
  },
  "size_t": 196,
  "size_x": 64,
  "size_y": 64,
  "size_z": 39,
  "snr": 4.700301131944831,
  "spacing_tr": 2.5,
  "spacing_x": 3.0,
  "spacing_y": 3.0,
  "spacing_z": 3.509999990463257,
  "summary_bg_k": 68.80800351495199,
  "summary_bg_mad": 8.237518545769818,
  "summary_bg_mean": 30.234119415283203,
  "summary_bg_median": 14.96938705444336,
  "summary_bg_n": 97021.0,
  "summary_bg_p05": 8.086734771728516,
  "summary_bg_p95": 90.2193832397461,
  "summary_bg_stdv": 53.91275405883789,
  "summary_fg_k": 2.6615325482370578,
  "summary_fg_mad": 89.29646922751138,
  "summary_fg_mean": 667.0560302734375,
  "summary_fg_median": 639.642822265625,
  "summary_fg_n": 28728.0,
  "summary_fg_p05": 511.2762680053711,
  "summary_fg_p95": 971.9969299316405,
  "summary_fg_stdv": 136.0831298828125,
  "tsnr": 57.23333314876072
}